GIT
  remote: git://github.com/Shopify/active_merchant
  revision: f441a69337ec9779dc383b3156d61006c1024526
  tag: v1.43.1
  specs:
    activemerchant (1.43.1)
      active_utils (~> 2.0, >= 2.0.1)
      activesupport (>= 2.3.14, < 5.0.0)
      builder (>= 2.1.2, < 4.0.0)
      i18n (~> 0.5)
      json (~> 1.7)
      money (< 7.0.0)
      nokogiri (~> 1.4)

GIT
  remote: git://github.com/freshdesk/akismetor.git
  revision: 12a4150c3ecc7f00817b5646686f8d3e3ad9653e
  specs:
    akismetor (1.1)

GIT
  remote: git://github.com/freshdesk/deadlock_retry.git
  revision: 801e84f45aed2ccde10aa085af0aa94f1bf46975
  specs:
    deadlock_retry (1.2.0)

GIT
  remote: git://github.com/freshdesk/large-hadron-migrator.git
  revision: 0672d428cdd985520bffbcbd97ca47ad55333a52
  specs:
    lhm (1.2.0)

GIT
  remote: git://github.com/freshdesk/omniauth-salesforce.git
  revision: b157ab528a6a079c11168671988ac1c2d175c0f5
  branch: master
  specs:
    omniauth-salesforce (1.0.3)
      omniauth (~> 1.0)
      omniauth-oauth2 (~> 1.0)

GIT
  remote: git://github.com/freshdesk/rack-ssl
  revision: 5e371bb43ba18d4680f7993a24316919fea48474
  branch: ssl
  specs:
    rack-ssl (1.3.4)
      rack

GIT
  remote: git://github.com/freshdesk/rinku.git
  revision: 67f54898fe7270f96900a3fa9a4dd50b6b351f25
  specs:
    rinku (1.7.2)

GIT
  remote: git://github.com/freshdesk/ruby-openid.git
  revision: a3cb356abb3bcd08988eaf6cc2c99f27db27d62b
  branch: fd_ruby_openid
  specs:
    ruby-openid (2.2.3)

GIT
  remote: git://github.com/freshdesk/ruby-yui-compressor.git
  revision: e0bffd91cc25ce6c807213a0710fff1f1bab54ee
  branch: fd_master
  specs:
    yui-compressor (0.9.6)
      POpen4 (>= 0.1.4)

GIT
  remote: git://github.com/freshdesk/semian.git
  revision: 80baee4985e3ccd1ef73f57e6fb18bd4cba8f23f
  branch: fd_master
  specs:
    semian (0.7.1)

GIT
  remote: git://github.com/freshdesk/twilio-ruby.git
  revision: d45f28ca556724f0b751e779c2953eea638f4c76
  branch: freshdesk_master
  specs:
    twilio-ruby (4.13.0)
      builder (>= 2.1.2)
      jwt (~> 1.0)
      multi_json (>= 1.3.0)

GIT
  remote: git://github.com/freshdesk/wkhtmltopdf_binary_gem.git
  revision: 4c7455b67b825b1e046dda762ffd2cce4a37f731
  branch: ruby_2.3
  specs:
    wkhtmltopdf-binary (0.9.9.3)

GIT
  remote: git://github.com/freshworks/rate-limiting.git
  revision: ada28d2e3d4ec27828432196a239aa0fe6768483
  tag: v2.1
  specs:
    rate-limiting (1.2.2)
      json

GIT
  remote: git://github.com/jorgevaldivia/active_presenter.git
  revision: 4f45be82e5f8566dee9600cbba5cf748685eda19
  specs:
    active_presenter (3.2.2)
      activerecord (>= 3.0.10)

GIT
  remote: git://github.com/neubloc/white_list.git
  revision: fef96494da6259763ddafd7edbec7e7afe3c2fcd
  specs:
    white_list (0.0.1)

GIT
  remote: git://github.com/rails/prototype_legacy_helper.git
  revision: a2cd95c3e3c1a4f7a9566efdab5ce59c886cb05f
  specs:
    prototype_legacy_helper (0.0.0)

GIT
  remote: git://github.com/stefanpenner/country_select
  revision: b25dc49d4887d79733af5baef6abcbc456fc7e56
  tag: v1.1.2
  specs:
    country_select (1.1.2)

GIT
  remote: git://github.com/thedarkone/rails-dev-boost.git
  revision: a709a10b06b7d9fc4a9846bc613c60c86af9dd7c
  specs:
    rails-dev-boost (0.3.0)
      railties (>= 3.0)

GIT
  remote: git@github.com:TinderBox/dynamics_crm.git
  revision: 9d1f669ba11192f904c096636374cc752820caec
  branch: master
  specs:
    dynamics_crm (0.9.1)
      builder (>= 3.0.0, < 4.0.0)
      mimemagic (>= 0.2, < 4.0.0)

GIT
  remote: git@github.com:freshdesk/api-gateway.git
  revision: d7be5373b8438d9307aaa36e0817e54bb389f493
  tag: v1.0.2
  glob: clients/fluffy_ruby/src/fluffy.gemspec
  specs:
    fluffy (1.0.2)
      json (>= 1.8.0)
      typhoeus (>= 0.7.3, <= 1.3)

GIT
  remote: git@github.com:freshdesk/binarize.git
  revision: 025888cc314cd9ffa47a4ed14829940095bcb39b
  branch: not_a_model_column
  specs:
    binarize (0.1.1)
      activerecord (>= 3)

GIT
  remote: git@github.com:freshdesk/central-publisher.git
  revision: 0010f80be1b6c090653a2208225bbe813f5eac0f
  tag: v2.0.22
  specs:
    central-publisher (2.0.21)
      active_record_shards (>= 3.2.0)
      faraday (= 0.9)
      faraday_middleware (~> 0.10.0)
      newrelic_rpm (>= 5.5.0)
      rails (>= 3.2.22.3)
      redis (= 3.3.1)
      redis-namespace
      sidekiq (= 4.2.10)
      uuidtools

GIT
  remote: git@github.com:freshdesk/cocaine.git
  revision: 9c2d844f229d87fe2ba677ee781fded0883f623d
  tag: v0.5.8.1
  specs:
    cocaine (0.5.8)
      climate_control (>= 0.0.3, < 1.0)

GIT
  remote: git@github.com:freshdesk/emailserv_request.git
  revision: 84996af205809c8a0cc143e1c37fe02405759818
  tag: v1.1
  specs:
    emailserv_request (0.0.1)
      connection_pool (~> 2.2)
      faraday (~> 0.9.0)
      faraday_middleware (~> 0.10.0)

GIT
  remote: git@github.com:freshdesk/fd_time_bandits
  revision: 5d1aadf2e504b9455b0ed7fbe26031231a4164e8
  tag: v1.3
  specs:
    time_bandits (0.10.12)
      activesupport (>= 2.3.2)
      thread_variables

GIT
  remote: git@github.com:freshdesk/formserv-gem.git
  revision: 9ae16c69f47b48600b0311fa656edfc92ff9b909
  tag: v0.11.3
  specs:
    formserv-gem (0.11.3)
      faraday
      net-http-persistent (= 2.9.4)
      rails

GIT
  remote: git@github.com:freshdesk/fresh_request.git
  revision: e81aa61fb827c26533dd1828190c646e698496b3
  branch: release
  specs:
    fresh_request (0.0.1)
      faraday
      faraday_middleware
      hashie
      multi_json
      patron
      redis (= 3.3.1)

GIT
  remote: git@github.com:freshdesk/freshdesk-features.git
  revision: f7c0e3ec6965f289c0efa280ed64a0e6613a25ed
  branch: freshdesk
  specs:
    freshdesk_features (0.0.2)

GIT
  remote: git@github.com:freshdesk/freshid-ruby-client.git
  revision: a0e751ab7eeb7a029afd92696f1048d9cd054e92
  tag: v4.0.26
  specs:
    freshid (4.0.17)
      freshid-sdk

GIT
  remote: git@github.com:freshdesk/launch-party.git
  revision: a9ca3c6fd65e41311a68400f3226397101139467
  tag: v0.2.1
  specs:
    launchparty (0.2)
      newrelic_rpm (~> 5.5.0)
      redis (>= 3)
      redis-namespace (>= 1)

GIT
  remote: git@github.com:freshdesk/opentelemetry-ruby.git
  revision: b80e8b3e5d43b6b3a8081bc7bd190567c1c4c59d
  branch: action-pack
  specs:
    opentelemetry-instrumentation-action_pack (0.6.0)
      opentelemetry-api (~> 0.6.0)
      opentelemetry-instrumentation-rack (~> 0.6.0)

GIT
  remote: git@github.com:freshdesk/opentelemetry-ruby.git
  revision: 59db120fcf82c53f7973f36c39595a037e6da499
  branch: api
  specs:
    opentelemetry-api (0.6.0)

GIT
  remote: git@github.com:freshdesk/opentelemetry-ruby.git
  revision: cbea9db29e47a1db18213b41fba0b435a440c1ed
  branch: dalli
  specs:
    opentelemetry-instrumentation-dalli (0.6.0)
      opentelemetry-api (~> 0.6.0)

GIT
  remote: git@github.com:freshdesk/opentelemetry-ruby.git
  revision: c9c6fd5ba0df05ffce1e2d32e9cebdfc58d5a5cb
  branch: ethon
  specs:
    opentelemetry-instrumentation-ethon (0.6.0)
      opentelemetry-api (~> 0.6.0)

GIT
  remote: git@github.com:freshdesk/opentelemetry-ruby.git
  revision: ffd26a0e442dc8de531d73563fdc9f9628b44582
  branch: exporter-otlp
  specs:
    opentelemetry-exporter-otlp (0.6.0)
      google-protobuf (>= 3.4.1.1, < 4)
      opentelemetry-api (~> 0.6.0)

GIT
  remote: git@github.com:freshdesk/opentelemetry-ruby.git
  revision: b5141a54eb9e1858a4395ec1023cadf4a584ffc9
  branch: mysql2
  specs:
    opentelemetry-instrumentation-mysql2 (0.6.0)
      opentelemetry-api (~> 0.6.0)

GIT
  remote: git@github.com:freshdesk/opentelemetry-ruby.git
  revision: 0dabe37aa01ee66e0d543681151eabd525133ac9
  branch: net-http
  specs:
    opentelemetry-instrumentation-net_http (0.6.0)
      opentelemetry-api (~> 0.6.0)

GIT
  remote: git@github.com:freshdesk/opentelemetry-ruby.git
  revision: a5f5da4609ca6788effdb74aa6f1ace56d2557c3
  branch: rack
  specs:
    opentelemetry-instrumentation-rack (0.6.0)
      opentelemetry-api (~> 0.6.0)

GIT
  remote: git@github.com:freshdesk/opentelemetry-ruby.git
  revision: c045cb3b2d3a7f2ecbc75d91730b89e82edbdf0d
  branch: rails
  specs:
    opentelemetry-instrumentation-rails (0.6.0)
      opentelemetry-api (~> 0.6.0)
      opentelemetry-instrumentation-rack (~> 0.6.0)

GIT
  remote: git@github.com:freshdesk/opentelemetry-ruby.git
  revision: 5c6d4b7579a1693ca6f1be56d019d435901a25c3
  branch: redis
  specs:
    opentelemetry-instrumentation-redis (0.6.0)
      opentelemetry-api (~> 0.6.0)

GIT
  remote: git@github.com:freshdesk/opentelemetry-ruby.git
  revision: 465c82e2637970c0f7c044677d8bd5d97a45f926
  branch: sdk
  specs:
    opentelemetry-sdk (0.6.0)
      opentelemetry-api (~> 0.6.0)

GIT
  remote: git@github.com:freshdesk/optar.git
  revision: 06eeff3ecb6141495944f48fcdee0bda17c16bfc
  tag: v1.1.4
  specs:
    optar (1.1.4)
      activerecord (>= 3.2)
      mysql2 (>= 0.3)

GIT
  remote: git@github.com:freshdesk/platforms-sdk-ruby.git
  revision: cf3994da6912ad5cbc1a5074faaf4bcc0605520c
  tag: 1.2.2
  glob: gems/freshid-sdk/freshid-sdk.gemspec
  specs:
    freshid-sdk (0.1.0)
      google-protobuf (= 3.7.0)
      grpc (~> 1.17.0)
      opentracing (>= 0.4.1)
      rest-client

GIT
  remote: git@github.com:freshdesk/prometheus_exporter.git
  revision: 9d3a9d5be3bf778e39fd0f0ff2386c398d246414
  tag: v1.1.0
  specs:
    prometheus_exporter (1.1.0)

GIT
  remote: git@github.com:freshdesk/retire.git
  revision: e8e30b1fa67ae0e3146f9809d3a8158f9c35980e
  specs:
    tire (0.6.2)
      activemodel (>= 3.0)
      activesupport
      ansi
      hashr (~> 0.0.19)
      multi_json (~> 1.3)
      rake
      rest-client (~> 1.6)

GIT
  remote: git@github.com:freshdesk/ruby-jwe.git
  revision: 85175aa156158d16398ed1a53ecada2c7aeda24d
  specs:
    jwe (0.3.0)

GIT
  remote: git@github.com:freshdesk/rule_engine.git
  revision: 060d6a7d38cbf22d960ff67b551f55fdab4db119
  tag: hv0.0.13.16
  specs:
    rule_engine (0.0.1)

GIT
  remote: git@github.com:freshdesk/sidekiq_sober.git
  revision: 785607f9014f0a34515aa3dd5eeb4089aa6688ca
  tag: v1.1.0
  specs:
    sidekiq_sober (1.1.0)
      sidekiq (>= 3.5)

GIT
  remote: git@github.com:freshdesk/xeroizer.git
  revision: db93979351dc8047d6aeeeab63d697f8c4517f7b
  specs:
    xeroizer (2.15.9)
      activesupport
      builder (>= 2.1.2)
      i18n
      nokogiri
      oauth (>= 0.4.5)
      tzinfo

GIT
  remote: https://github.com/freshdesk/i18nema
  revision: 544682bac9976794950ebc5dd15ad21810950a81
  specs:
    i18nema (0.0.8)
      i18n (>= 0.5)
      syck (~> 1.0.0)

PATH
  remote: vendor/gems/acts_as_voteable
  specs:
    acts_as_voteable (0.0.1)
      rails (~> 3.2.18)

PATH
  remote: vendor/gems/add_pod_support-0.0.1
  specs:
    add_pod_support (0.0.1)

PATH
  remote: vendor/gems/ar_shards
  specs:
    ar_shards (0.0.1)
      rails (~> 3.2.18)

PATH
  remote: vendor/gems/business_time
  specs:
    business_time (1.0.0)

PATH
  remote: vendor/gems/custom_fields-0.1
  specs:
    custom_fields (0.1-x86_64-darwin-19)
      acts_as_list (= 0.1.4)
      rails (~> 3.2.18)

PATH
  remote: vendor/gems/delayed_job
  specs:
    delayed_job (1.7.0)

PATH
  remote: vendor/gems/dev_notification
  specs:
    dev_notification (1.0.0)

PATH
  remote: vendor/gems/ebayr
  specs:
    ebayr (0.0.8)

PATH
  remote: vendor/gems/facebook
  specs:
    facebook (0.0.1)
      rails (~> 3.2.18)

PATH
  remote: vendor/gems/fd_spam_detection_service
  specs:
    fd_spam_detection_service (0.0.1)
      httparty

PATH
  remote: vendor/gems/freshdesk_authority-0.1
  specs:
    freshdesk_authority (0.1)

PATH
  remote: vendor/gems/gnip
  specs:
    gnip (1.0.0)

PATH
  remote: vendor/gems/has_flexiblefields
  specs:
    has_flexiblefields (1.0.0)
      rails (~> 3.2.18)

PATH
  remote: vendor/gems/has_no_table
  specs:
    has_no_table (0.0.1)
      rails (~> 3.2.18)

PATH
  remote: vendor/gems/helpdesk_attachable
  specs:
    helpdesk_attachable (1.0.0)

PATH
  remote: vendor/gems/highcharts-rails
  specs:
    highcharts-rails (3.0.1)
      railties (>= 3.1)

PATH
  remote: vendor/gems/liquid
  specs:
    liquid (2.4.1)

PATH
  remote: vendor/gems/open_id_authentication
  specs:
    open_id_authentication (1.0.0)
      rack-openid (>= 0.2.1)

PATH
  remote: vendor/gems/paperclip_ext
  specs:
    paperclip_ext (1.0.0)

PATH
  remote: vendor/gems/rack-openid
  specs:
    rack-openid (1.3.1)
      rack (>= 1.1.0)
      ruby-openid (>= 2.1.8)

PATH
  remote: vendor/gems/seed-fu
  specs:
    seed-fu (1.2.3)
      rails (>= 2.1)

PATH
  remote: vendor/gems/sharding
  specs:
    sharding (1.0.0)

PATH
  remote: vendor/gems/ssl_requirement
  specs:
    ssl_requirement (1.0.0)

PATH
  remote: vendor/gems/will_filter
  specs:
    will_filter (1.0.0)
      rails (>= 3.2.3)

PATH
  remote: vendor/gems/will_paginate-liquidized
  specs:
    will_paginate-liquidized (1.0.0)

PATH
  remote: vendor/gems/xss
  specs:
    xss (0.0.1)
      rails (~> 3.2.18)

GEM
  remote: https://rubygems.org/
  remote: https://690a8c5e:5d9334f0@gems.contribsys.com/
  specs:
    CFPropertyList (2.3.6)
    POpen4 (0.1.4)
      Platform (>= 0.4.0)
      open4
    Platform (0.4.2)
    RedCloth (4.3.2)
    ZenTest (4.4.1)
    actionmailer (3.2.22.5)
      actionpack (= 3.2.22.5)
      mail (~> 2.5.4)
    actionpack (3.2.22.5)
      activemodel (= 3.2.22.5)
      activesupport (= 3.2.22.5)
      builder (~> 3.0.0)
      erubis (~> 2.7.0)
      journey (~> 1.0.4)
      rack (~> 1.4.5)
      rack-cache (~> 1.2)
      rack-test (~> 0.6.1)
      sprockets (~> 2.2.1)
    active_record_query_trace (1.7)
    active_record_shards (3.2.1)
      activerecord (>= 3.2.16, < 4.2)
      activesupport (>= 3.2.16, < 4.2)
    active_utils (2.2.3)
      activesupport (>= 2.3.11)
      i18n
    activemodel (3.2.22.5)
      activesupport (= 3.2.22.5)
      builder (~> 3.0.0)
    activerecord (3.2.22.5)
      activemodel (= 3.2.22.5)
      activesupport (= 3.2.22.5)
      arel (~> 3.0.2)
      tzinfo (~> 0.3.29)
    activeresource (3.2.22.5)
      activemodel (= 3.2.22.5)
      activesupport (= 3.2.22.5)
    activesupport (3.2.22.5)
      i18n (~> 0.6, >= 0.6.4)
      multi_json (~> 1.0)
    acts_as_api (1.0.1)
      activemodel (>= 3.0.0)
      activesupport (>= 3.0.0)
      rack (>= 1.1.0)
    acts_as_list (0.1.4)
    addressable (2.7.0)
      public_suffix (>= 2.0.2, < 5.0)
    aes_key_wrap (1.0.1)
    ancestry (3.0.1)
      activerecord (>= 3.2.0)
    ansi (1.5.0)
    arel (3.0.3)
    asset_sync (1.1.0)
      activemodel
      fog (>= 1.8.0)
      unf
    ast (2.4.0)
    authlogic (3.4.6)
      activerecord (>= 3.2)
      activesupport (>= 3.2)
      request_store (~> 1.0)
      scrypt (>= 1.2, < 3.0)
    autoparse (0.3.3)
      addressable (>= 2.3.1)
      extlib (>= 0.9.15)
      multi_json (>= 1.0.0)
    autotest (4.4.6)
      ZenTest (>= 4.4.1)
    autotest-fsevent (0.1.1)
      ZenTest (>= 4.0.0)
      sys-uname (>= 0.8.3)
    autotest-growl (0.2.0)
      autotest (>= 4.2.4)
    autotest-rails (4.1.0)
      ZenTest
    aws-eventstream (1.1.0)
    aws-partitions (1.301.0)
    aws-sdk (1.31.3)
      json (~> 1.4)
      nokogiri (>= 1.4.4)
      uuidtools (~> 2.1)
    aws-sdk-cloudfront (1.26.0)
      aws-sdk-core (~> 3, >= 3.71.0)
      aws-sigv4 (~> 1.1)
    aws-sdk-cloudwatch (1.36.0)
      aws-sdk-core (~> 3, >= 3.71.0)
      aws-sigv4 (~> 1.1)
    aws-sdk-core (3.94.0)
      aws-eventstream (~> 1, >= 1.0.2)
      aws-partitions (~> 1, >= 1.239.0)
      aws-sigv4 (~> 1.1)
      jmespath (~> 1.0)
    aws-sdk-dynamodb (1.45.0)
      aws-sdk-core (~> 3, >= 3.71.0)
      aws-sigv4 (~> 1.1)
    aws-sdk-kms (1.30.0)
      aws-sdk-core (~> 3, >= 3.71.0)
      aws-sigv4 (~> 1.1)
    aws-sdk-lambda (1.39.0)
      aws-sdk-core (~> 3, >= 3.71.0)
      aws-sigv4 (~> 1.1)
    aws-sdk-route53 (1.32.0)
      aws-sdk-core (~> 3, >= 3.71.0)
      aws-sigv4 (~> 1.1)
    aws-sdk-s3 (1.63.0)
      aws-sdk-core (~> 3, >= 3.83.0)
      aws-sdk-kms (~> 1)
      aws-sigv4 (~> 1.1)
    aws-sdk-sns (1.22.0)
      aws-sdk-core (~> 3, >= 3.71.0)
      aws-sigv4 (~> 1.1)
    aws-sdk-sqs (1.24.0)
      aws-sdk-core (~> 3, >= 3.71.0)
      aws-sigv4 (~> 1.1)
    aws-sdk-swf (1.18.0)
      aws-sdk-core (~> 3, >= 3.71.0)
      aws-sigv4 (~> 1.1)
    aws-sigv4 (1.1.2)
      aws-eventstream (~> 1.0, >= 1.0.2)
    axiom-types (0.1.1)
      descendants_tracker (~> 0.0.4)
      ice_nine (~> 0.11.0)
      thread_safe (~> 0.3, >= 0.3.1)
    better_errors (1.1.0)
      coderay (>= 1.0.0)
      erubis (>= 2.6.6)
    bindata (2.4.7)
    binding_of_caller (0.8.0)
      debug_inspector (>= 0.0.1)
    braintree (2.10.0)
      builder
    brakeman (3.7.2)
    buftok (0.2.0)
    builder (3.0.4)
    bullet (5.4.3)
      activesupport (>= 3.0.0)
      uniform_notifier (~> 1.10.0)
    byebug (11.0.1)
    capybara (2.18.0)
      addressable
      mini_mime (>= 0.1.3)
      nokogiri (>= 1.3.3)
      rack (>= 1.0.0)
      rack-test (>= 0.5.4)
      xpath (>= 2.0, < 4.0)
    chargebee (1.5.9)
      json_pure (~> 1.5)
      rest-client (~> 1.4)
    charlock_holmes (0.7.6)
    chunky_png (1.3.6)
    clamav-client (3.1.0)
    cld2 (1.0.3)
      ffi (~> 1.9.3)
    clearbit (0.3.2)
      nestful (~> 1.1.0)
    climate_control (0.2.0)
    code_analyzer (0.5.1)
      sexp_processor
    codeclimate-engine-rb (0.4.1)
      virtus (~> 1.0)
    codecov (0.1.16)
      json
      simplecov
      url
    coderay (1.1.2)
    coercible (1.0.0)
      descendants_tracker (~> 0.0.1)
    compass (1.0.3)
      chunky_png (~> 1.2)
      compass-core (~> 1.0.2)
      compass-import-once (~> 1.0.5)
      rb-fsevent (>= 0.9.3)
      rb-inotify (>= 0.9)
      sass (>= 3.3.13, < 3.5)
    compass-blueprint (1.0.0)
      compass
    compass-core (1.0.3)
      multi_json (~> 1.0)
      sass (>= 3.3.0, < 3.5)
    compass-import-once (1.0.5)
      sass (>= 3.2, < 3.5)
    compass-rails (2.0.0)
      compass (>= 0.12.2)
    concurrent-ruby (1.1.6)
    connection_pool (2.2.2)
    coverband (1.5.4)
      json
      redis
      simplecov (> 0.11.1)
    crack (0.4.3)
      safe_yaml (~> 1.0.0)
    crass (1.0.6)
    credit_card_sanitizer (0.6.8)
      luhn_checksum (~> 0.1)
      tracking_number (~> 0.10.3)
    css_parser (1.7.1)
      addressable
    cucumber (2.99.0)
      builder (>= 2.1.2)
      cucumber-core (~> 1.5.0)
      cucumber-wire (~> 0.0.1)
      diff-lcs (>= 1.1.3)
      gherkin (~> 4.0)
      multi_json (>= 1.7.5, < 2.0)
      multi_test (>= 0.1.2)
    cucumber-core (1.5.0)
      gherkin (~> 4.0)
    cucumber-rails (1.4.5)
      capybara (>= 1.1.2, < 3)
      cucumber (>= 1.3.8, < 4)
      mime-types (>= 1.16, < 4)
      nokogiri (~> 1.5)
      railties (>= 3, < 5.1)
    cucumber-wire (0.0.1)
    cucumber_statistics (2.3.0)
      cucumber (>= 2.1.0)
      haml
      tilt
      virtus
    curb (0.8.8)
    dalli (2.7.10)
    database_cleaner (1.5.3)
    ddtrace (0.34.2)
      msgpack
    debug_inspector (0.0.3)
    descendants_tracker (0.0.4)
      thread_safe (~> 0.3, >= 0.3.1)
    diff-lcs (1.3)
    dnsruby (1.60.2)
    docile (1.3.2)
    dogstatsd-ruby (4.7.0)
    domain_name (0.5.20190701)
      unf (>= 0.0.5, < 1.0.0)
    doorkeeper (2.2.1)
      railties (>= 3.2)
    dry-inflector (0.1.2)
    dynamic_form (1.1.4)
    ejs (1.1.1)
    ejson (1.2.1)
    encryptor (1.1.3)
    equalizer (0.0.10)
    erubis (2.7.0)
    ethon (0.12.0)
      ffi (>= 1.3.0)
    excon (0.75.0)
    execjs (2.7.0)
    extlib (0.9.16)
    factory_girl (4.4.0)
      activesupport (>= 3.0.0)
    factory_girl_rails (4.4.0)
      factory_girl (~> 4.4.0)
      railties (>= 3.0.0)
    fake_dynamo (0.2.5)
      activesupport
      json
      sinatra
    fake_sqs (0.3.1)
      builder
      sinatra
    faker (1.4.3)
      i18n (~> 0.5)
    fakeweb (1.3.0)
    faraday (0.9.0)
      multipart-post (>= 1.2, < 3)
    faraday_middleware (0.10.1)
      faraday (>= 0.7.4, < 1.0)
    ffi (1.9.25)
    ffi-compiler (1.0.1)
      ffi (>= 1.0.0)
      rake
    fission (0.5.0)
      CFPropertyList (~> 2.2)
    fog (1.41.0)
      fog-aliyun (>= 0.1.0)
      fog-atmos
      fog-aws (>= 0.6.0)
      fog-brightbox (~> 0.4)
      fog-cloudatcost (~> 0.1.0)
      fog-core (~> 1.45)
      fog-digitalocean (>= 0.3.0)
      fog-dnsimple (~> 1.0)
      fog-dynect (~> 0.0.2)
      fog-ecloud (~> 0.1)
      fog-google (<= 0.1.0)
      fog-internet-archive
      fog-joyent
      fog-json
      fog-local
      fog-openstack
      fog-powerdns (>= 0.1.1)
      fog-profitbricks
      fog-rackspace
      fog-radosgw (>= 0.0.2)
      fog-riakcs
      fog-sakuracloud (>= 0.0.4)
      fog-serverlove
      fog-softlayer
      fog-storm_on_demand
      fog-terremark
      fog-vmfusion
      fog-voxel
      fog-vsphere (>= 0.4.0)
      fog-xenserver
      fog-xml (~> 0.1.1)
      ipaddress (~> 0.5)
      json (>= 1.8, < 2.0)
    fog-aliyun (0.3.13)
      fog-core
      fog-json
      ipaddress (~> 0.8)
      xml-simple (~> 1.1)
    fog-atmos (0.1.0)
      fog-core
      fog-xml
    fog-aws (2.0.1)
      fog-core (~> 1.38)
      fog-json (~> 1.0)
      fog-xml (~> 0.1)
      ipaddress (~> 0.8)
    fog-brightbox (0.16.1)
      dry-inflector
      fog-core
      fog-json
      mime-types
    fog-cloudatcost (0.1.2)
      fog-core (~> 1.36)
      fog-json (~> 1.0)
      fog-xml (~> 0.1)
      ipaddress (~> 0.8)
    fog-core (1.45.0)
      builder
      excon (~> 0.58)
      formatador (~> 0.2)
    fog-digitalocean (0.4.0)
      fog-core
      fog-json
      fog-xml
      ipaddress (>= 0.5)
    fog-dnsimple (1.0.0)
      fog-core (~> 1.38)
      fog-json (~> 1.0)
    fog-dynect (0.0.3)
      fog-core
      fog-json
      fog-xml
    fog-ecloud (0.3.0)
      fog-core
      fog-xml
    fog-google (0.1.0)
      fog-core
      fog-json
      fog-xml
    fog-internet-archive (0.0.1)
      fog-core
      fog-json
      fog-xml
    fog-joyent (0.0.1)
      fog-core (~> 1.42)
      fog-json (>= 1.0)
    fog-json (1.2.0)
      fog-core
      multi_json (~> 1.10)
    fog-local (0.6.0)
      fog-core (>= 1.27, < 3.0)
    fog-openstack (0.3.10)
      fog-core (>= 1.45, <= 2.1.0)
      fog-json (>= 1.0)
      ipaddress (>= 0.8)
    fog-powerdns (0.2.0)
      fog-core
      fog-json
      fog-xml
    fog-profitbricks (4.1.1)
      fog-core (~> 1.42)
      fog-json (~> 1.0)
    fog-rackspace (0.1.6)
      fog-core (>= 1.35)
      fog-json (>= 1.0)
      fog-xml (>= 0.1)
      ipaddress (>= 0.8)
    fog-radosgw (0.0.5)
      fog-core (>= 1.21.0)
      fog-json
      fog-xml (>= 0.0.1)
    fog-riakcs (0.1.0)
      fog-core
      fog-json
      fog-xml
    fog-sakuracloud (1.7.5)
      fog-core
      fog-json
    fog-serverlove (0.1.2)
      fog-core
      fog-json
    fog-softlayer (1.1.4)
      fog-core
      fog-json
    fog-storm_on_demand (0.1.1)
      fog-core
      fog-json
    fog-terremark (0.1.0)
      fog-core
      fog-xml
    fog-vmfusion (0.1.0)
      fission
      fog-core
    fog-voxel (0.1.0)
      fog-core
      fog-xml
    fog-vsphere (3.3.1)
      fog-core
      rbvmomi (>= 1.9, < 3)
    fog-xenserver (1.0.0)
      fog-core
      fog-xml
      xmlrpc
    fog-xml (0.1.3)
      fog-core
      nokogiri (>= 1.5.11, < 2.0.0)
    fontcustom (1.3.3)
      json (~> 1.4)
      listen (~> 1.0)
      thor (~> 0.14)
    forgery (0.5.0)
    formatador (0.2.5)
    freemail (0.2.3)
    fuubar (2.1.1)
      rspec (~> 3.0)
      ruby-progressbar (~> 1.4)
    gemoji (3.0.1)
    gemoji-parser (1.3.1)
      gemoji (>= 2.1.0)
    gherkin (4.1.3)
    gitlab (3.6.1)
      httparty
      terminal-table
    gmail_xoauth (0.4.2)
      oauth (>= 0.3.6)
    gnip-rule (1.0.0)
      json (>= 1.8, < 3)
      rest-client (>= 1.6, < 3)
    gon (6.4.0)
      actionpack (>= 3.0.20)
      i18n (>= 0.7)
      multi_json
      request_store (>= 1.0)
    google-api-client (0.7.1)
      addressable (>= 2.3.2)
      autoparse (>= 0.3.3)
      extlib (>= 0.9.15)
      faraday (>= 0.9.0)
      jwt (>= 0.1.5)
      launchy (>= 2.1.1)
      multi_json (>= 1.0.0)
      retriable (>= 1.4)
      signet (>= 0.5.0)
      uuidtools (>= 2.1.0)
    google-protobuf (3.7.0)
    googleapis-common-protos-types (1.0.4)
      google-protobuf (~> 3.0)
    grpc (1.17.1)
      google-protobuf (~> 3.1)
      googleapis-common-protos-types (~> 1.0.0)
    haml (4.0.7)
      temple (>= 0.8.0)
      tilt
    hamster (3.0.0)
      concurrent-ruby (~> 1.0)
    has_scope (0.6.0)
      actionpack (>= 3.2, < 5)
      activesupport (>= 3.2, < 5)
    hashdiff (1.0.1)
    hashie (3.6.0)
    hashr (0.0.22)
    hike (1.2.3)
    html_to_plain_text (1.0.5)
      nokogiri (>= 1.4.0)
    htmlentities (4.3.4)
    http (1.0.4)
      addressable (~> 2.3)
      http-cookie (~> 1.0)
      http-form_data (~> 1.0.1)
      http_parser.rb (~> 0.6.0)
    http-cookie (1.0.3)
      domain_name (~> 0.5)
    http-form_data (1.0.3)
    http_accept_language (2.0.5)
    http_parser.rb (0.6.0)
    httparty (0.11.0)
      multi_json (~> 1.0)
      multi_xml (>= 0.5.2)
    httpclient (2.8.3)
    i18n (0.9.5)
      concurrent-ruby (~> 1.0)
    i18n-js (3.2.1)
      i18n (>= 0.6.6)
    ice_nine (0.11.2)
    iconv (1.0.8)
    idn-ruby (0.1.0)
    insensitive_hash (0.2.3)
    ipaddress (0.8.3)
    jaro_winkler (1.5.4)
    jasmine (2.4.0)
      jasmine-core (~> 2.4)
      phantomjs
      rack (>= 1.2.1)
      rake
    jasmine-core (2.99.2)
    jbuilder (2.2.13)
      activesupport (>= 3.0.0, < 5)
      multi_json (~> 1.2)
    jira4r (0.3.0)
      soap4r
    jmespath (1.4.0)
    jose (1.1.2)
      hamster
    journey (1.0.4)
    json (1.8.6)
    json-compare (0.1.8)
    json-jwt (1.9.4)
      activesupport
      aes_key_wrap
      bindata
    json_expressions (0.8.3)
    json_pure (1.8.6)
    jwt (1.5.4)
    koala (1.10.1)
      addressable
      faraday
      multi_json
    launchy (2.4.3)
      addressable (~> 2.3)
    libv8 (3.16.14.19)
    listen (1.3.1)
      rb-fsevent (>= 0.9.3)
      rb-inotify (>= 0.9)
      rb-kqueue (>= 0.2)
    luhn_checksum (0.1.1)
    mail (2.5.5)
      mime-types (~> 1.16)
      treetop (~> 1.4.8)
    marginalia (1.7.0)
      actionpack (>= 2.3)
      activerecord (>= 2.3)
    memoizable (0.4.2)
      thread_safe (~> 0.3, >= 0.3.1)
    meta_request (0.7.2)
      rack-contrib (>= 1.1, < 3)
      railties (>= 3.0.0, < 7)
    metaclass (0.0.4)
    method_source (0.9.2)
    mime-types (1.25.1)
    mimemagic (0.3.4)
    mini_mime (1.0.2)
    mini_portile2 (2.4.0)
    minitest (4.7.5)
    minitest-rails (1.0.1)
      minitest (~> 4.7)
      minitest-test (~> 1.0)
      railties (>= 3.0, < 4.1)
    minitest-reporters (0.14.24)
      ansi
      builder
      minitest (>= 2.12, < 5.0)
      powerbar
    minitest-test (1.1.0)
      minitest (~> 4.0)
    mocha (0.13.3)
      metaclass (~> 0.0.1)
    money (6.13.7)
      i18n (>= 0.6.4, <= 2)
    mono_logger (1.1.0)
    msgpack (1.3.3)
    multi_json (1.14.1)
    multi_test (0.1.2)
    multi_xml (0.6.0)
    multipart-post (2.1.1)
    mysql2 (0.3.21)
    namae (1.0.1)
    naught (1.1.0)
    nestful (1.1.4)
    net-http-persistent (2.9.4)
    netrc (0.11.0)
    newrelic_rpm (5.5.0.348)
    nokogiri (1.10.2)
      mini_portile2 (~> 2.4.0)
    nokogumbo (1.5.0)
      nokogiri
    oauth (0.5.4)
    oauth2 (0.9.4)
      faraday (>= 0.8, < 0.10)
      jwt (~> 1.0)
      multi_json (~> 1.3)
      multi_xml (~> 0.5)
      rack (~> 1.2)
    octokit (4.18.0)
      faraday (>= 0.9)
      sawyer (~> 0.8.0, >= 0.5.3)
    oily_png (1.1.1)
      chunky_png (~> 1.3.0)
    oj (3.10.6)
    omniauth (1.3.2)
      hashie (>= 1.2, < 4)
      rack (>= 1.0, < 3)
    omniauth-box2 (0.0.1)
      omniauth (~> 1.0)
    omniauth-constantcontact2 (1.0.4)
      multi_json (~> 1.0)
      multi_xml
      omniauth (~> 1.0)
      omniauth-oauth2 (~> 1.0)
    omniauth-google (1.0.2)
      multi_json
      omniauth (~> 1.0)
      omniauth-oauth
    omniauth-google-oauth2 (0.1.13)
      omniauth (~> 1.0)
      omniauth-oauth2
    omniauth-mailchimp (2.1.0)
      omniauth (~> 1.0)
      omniauth-oauth2
    omniauth-oauth (1.1.0)
      oauth
      omniauth (~> 1.0)
    omniauth-oauth2 (1.1.2)
      faraday (>= 0.8, < 0.10)
      multi_json (~> 1.3)
      oauth2 (~> 0.9.3)
      omniauth (~> 1.2)
    omniauth-openid (1.0.1)
      omniauth (~> 1.0)
      rack-openid (~> 1.3.1)
    omniauth-quickbooks (0.0.2)
      omniauth-oauth (~> 1.0)
    open4 (1.3.4)
    opentracing (0.5.0)
    optimist (3.0.0)
    paperclip (4.2.4)
      activemodel (>= 3.2.0)
      activesupport (>= 3.2.0)
      cocaine (~> 0.5.5)
      mime-types
    parallel (1.19.1)
    parser (2.5.3.0)
      ast (~> 2.4.0)
    patron (0.13.3)
    pg (0.18.4)
    phantomjs (2.1.1.0)
    polyglot (0.3.5)
    power_assert (1.1.7)
    powerbar (2.0.1)
      hashie (>= 1.1.0)
    premailer (1.11.1)
      addressable
      css_parser (>= 1.6.0)
      htmlentities (>= 4.0.0)
    pronto (0.6.0)
      gitlab (~> 3.6, >= 3.4.0)
      octokit (~> 4.3, >= 4.1.0)
      rugged (~> 0.24, >= 0.23.0)
      thor (~> 0.19.0)
    pronto-brakeman (0.6.0)
      brakeman (~> 3.2, >= 3.2.0)
      pronto (~> 0.6.0)
    pronto-rails_best_practices (0.6.0)
      pronto (~> 0.6.0)
      rails_best_practices (~> 1.16, >= 1.15.0)
    pronto-reek (0.6.2)
      pronto (~> 0.6.0)
      reek (~> 4.2)
    pronto-rubocop (0.6.2)
      pronto (~> 0.6.0)
      rubocop (~> 0.38, >= 0.35.0)
    prototype-rails (3.2.1)
      rails (~> 3.2)
    pry (0.12.2)
      coderay (~> 1.1.0)
      method_source (~> 0.9.0)
    pry-byebug (3.7.0)
      byebug (~> 11.0)
      pry (~> 0.10)
    pry-nav (0.3.0)
      pry (>= 0.9.10, < 0.13.0)
    public_suffix (4.0.4)
    rack (1.4.7)
    rack-cache (1.11.1)
      rack (>= 0.4)
    rack-contrib (1.8.0)
      rack (~> 1.4)
    rack-cors (0.4.1)
    rack-protection (1.5.5)
      rack
    rack-test (0.6.3)
      rack (>= 1.0)
    rack-throttle (0.5.0)
      bundler (>= 1.0.0)
      rack (>= 1.0.0)
    rails (3.2.22.5)
      actionmailer (= 3.2.22.5)
      actionpack (= 3.2.22.5)
      activerecord (= 3.2.22.5)
      activeresource (= 3.2.22.5)
      activesupport (= 3.2.22.5)
      bundler (~> 1.0)
      railties (= 3.2.22.5)
    rails_autolink (1.1.6)
      rails (> 3.1)
    rails_best_practices (1.20.0)
      activesupport
      code_analyzer (>= 0.5.1)
      erubis
      i18n
      json
      require_all (~> 3.0)
      ruby-progressbar
    railties (3.2.22.5)
      actionpack (= 3.2.22.5)
      activesupport (= 3.2.22.5)
      rack-ssl (~> 1.3.2)
      rake (>= 0.8.7)
      rdoc (~> 3.4)
      thor (>= 0.14.6, < 2.0)
    rainbow (3.0.0)
    rake (12.3.3)
    range_operators (0.1.1)
    rb-fsevent (0.10.3)
    rb-inotify (0.10.1)
      ffi (~> 1.0)
    rb-kqueue (0.2.5)
      ffi (>= 0.5.0)
    rbtrace (0.4.12)
      ffi (>= 1.0.6)
      msgpack (>= 0.4.3)
      optimist (>= 3.0.0)
    rbvmomi (2.4.1)
      builder (~> 3.0)
      json (>= 1.8)
      nokogiri (~> 1.5)
      optimist (~> 3.0)
    rdoc (3.12.2)
      json (~> 1.4)
    recaptcha (4.14.0)
      json
    redis (3.3.1)
    redis-namespace (1.6.0)
      redis (>= 3.0.4)
    reek (4.8.2)
      codeclimate-engine-rb (~> 0.4.0)
      parser (>= 2.5.0.0, < 2.6)
      rainbow (>= 2.0, < 4.0)
    ref (2.0.0)
    request_store (1.5.0)
      rack (>= 1.4)
    require_all (3.0.0)
    resque (1.24.1)
      mono_logger (~> 1.0)
      multi_json (~> 1.0)
      redis-namespace (~> 1.2)
      sinatra (>= 0.9.2)
      vegas (~> 0.1.2)
    resque-scheduler (2.2.0)
      redis (>= 3.0.0)
      resque (>= 1.20.0, < 1.25)
      rufus-scheduler (~> 2.0)
    rest-client (1.8.0)
      http-cookie (>= 1.0.2, < 2.0)
      mime-types (>= 1.16, < 3.0)
      netrc (~> 0.7)
    retriable (3.1.2)
    rforce (0.14)
      builder (~> 3.0)
      oauth (~> 0.4)
    routing-filter (0.3.1)
      actionpack
    rr (1.1.2)
    rspec (3.8.0)
      rspec-core (~> 3.8.0)
      rspec-expectations (~> 3.8.0)
      rspec-mocks (~> 3.8.0)
    rspec-collection_matchers (1.0.0)
      rspec-expectations (>= 2.99.0.beta1)
    rspec-core (3.8.2)
      rspec-support (~> 3.8.0)
    rspec-expectations (3.8.6)
      diff-lcs (>= 1.2.0, < 2.0)
      rspec-support (~> 3.8.0)
    rspec-mocks (3.8.2)
      diff-lcs (>= 1.2.0, < 2.0)
      rspec-support (~> 3.8.0)
    rspec-rails (3.8.3)
      actionpack (>= 3.0)
      activesupport (>= 3.0)
      railties (>= 3.0)
      rspec-core (~> 3.8.0)
      rspec-expectations (~> 3.8.0)
      rspec-mocks (~> 3.8.0)
      rspec-support (~> 3.8.0)
    rspec-support (3.8.3)
    rspec_junit_formatter (0.2.3)
      builder (< 4)
      rspec-core (>= 2, < 4, != 2.12.0)
    rubocop (0.68.0)
      jaro_winkler (~> 1.5.1)
      parallel (~> 1.10)
      parser (>= 2.5, != 2.5.1.1)
      rainbow (>= 2.2.2, < 4.0)
      ruby-progressbar (~> 1.7)
      unicode-display_width (>= 1.4.0, < 1.6)
    rubocop-checkstyle_formatter (0.4.0)
      rubocop (>= 0.35.1)
    ruby-ole (1.2.12.2)
    ruby-openid-apps-discovery (1.2.0)
      ruby-openid (>= 2.1.7)
    ruby-progressbar (1.10.1)
    ruby-saml (1.7.0)
      nokogiri (>= 1.5.10)
    rubyzip (1.3.0)
    rufus-scheduler (2.0.24)
      tzinfo (>= 0.3.22)
    rugged (0.28.5)
    safe_yaml (1.0.5)
    sanitize (4.6.6)
      crass (~> 1.0.2)
      nokogiri (>= 1.4.4)
      nokogumbo (~> 1.4)
    sass (3.4.25)
    sass-rails (3.2.6)
      railties (~> 3.2.0)
      sass (>= 3.1.10)
      tilt (~> 1.3)
    sawyer (0.8.2)
      addressable (>= 2.3.5)
      faraday (> 0.8, < 2.0)
    sax-machine (0.1.0)
      nokogiri (> 0.0.0)
    scrypt (2.1.1)
      ffi-compiler (>= 0.0.2)
      rake
    sexp_processor (4.14.1)
    shoryuken (5.0.4)
      aws-sdk-core (>= 2)
      concurrent-ruby
      thor
    sidekiq (4.2.10)
      concurrent-ruby (~> 1.0)
      connection_pool (~> 2.2, >= 2.2.0)
      rack-protection (>= 1.5.0)
      redis (~> 3.2, >= 3.2.1)
    sidekiq-pro (3.7.1)
      sidekiq (>= 4.1.5)
    signet (0.11.0)
      addressable (~> 2.3)
      faraday (~> 0.9)
      jwt (>= 1.5, < 3.0)
      multi_json (~> 1.10)
    simple_oauth (0.3.1)
    simplecov (0.16.1)
      docile (~> 1.1)
      json (>= 1.8, < 3)
      simplecov-html (~> 0.10.0)
    simplecov-csv (0.1.3)
      simplecov
    simplecov-html (0.10.2)
    simplecov-rcov (0.2.3)
      simplecov (>= 0.4.1)
    sinatra (1.4.6)
      rack (~> 1.4)
      rack-protection (~> 1.4)
      tilt (>= 1.3, < 3)
    sneaky-save (0.1.3)
      activerecord (>= 3.2.0)
    soap4r (1.5.8)
      httpclient (>= 2.1.1)
    soap4r-ruby1.9 (2.0.5)
    spork (0.9.2)
    spreadsheet (0.6.8)
      ruby-ole (>= 1.0)
    spring (1.2.0)
    sprockets (2.2.3)
      hike (~> 1.2)
      multi_json (~> 1.0)
      rack (~> 1.0)
      tilt (~> 1.1, != 1.3.0)
    static_model (1.1.0)
    strong_parameters (0.2.3)
      actionpack (~> 3.0)
      activemodel (~> 3.0)
      activesupport (~> 3.0)
      railties (~> 3.0)
    susy (2.1.3)
      sass (>= 3.3.0, < 3.5)
    syck (1.0.5)
    symmetric-encryption (4.0.0)
      coercible (~> 1.0)
    sys-uname (1.2.1)
      ffi (>= 1.0.0)
    temple (0.8.2)
    terminal-table (1.8.0)
      unicode-display_width (~> 1.1, >= 1.1.1)
    test-unit (3.1.7)
      power_assert
    test-unit-minitest (0.9.1)
      minitest (~> 4.7)
    therubyracer (0.12.3)
      libv8 (~> 3.16.14.15)
      ref
    thor (0.19.4)
    thread_safe (0.3.6)
    thread_variables (0.2.0)
    thrift (0.9.2.0)
    tilt (1.4.1)
    timecop (0.8.1)
    tnef (1.0.2)
    tracking_number (0.10.5)
    treetop (1.4.15)
      polyglot
      polyglot (>= 0.3.1)
    turbo-sprockets-rails3 (0.3.14)
      railties (> 3.2.8, < 4.0.0)
      sprockets (>= 2.2.0)
    twitter (5.16.0)
      addressable (~> 2.3)
      buftok (~> 0.2.0)
      equalizer (= 0.0.10)
      faraday (~> 0.9.0)
      http (~> 1.0)
      http_parser.rb (~> 0.6.0)
      json (~> 1.8)
      memoizable (~> 0.4.0)
      naught (~> 1.0)
      simple_oauth (~> 0.3.0)
    twitter-text (3.1.0)
      idn-ruby
      unf (~> 0.1.0)
    typhoeus (1.1.0)
      ethon (>= 0.9.0)
    tzinfo (0.3.51)
    uglifier (2.7.2)
      execjs (>= 0.3.0)
      json (>= 1.8.0)
    unf (0.1.4)
      unf_ext
    unf_ext (0.0.7.7)
    unicode-display_width (1.4.1)
    uniform_notifier (1.10.0)
    url (0.3.2)
    useragent (0.16.10)
    uuidtools (2.1.5)
    vegas (0.1.11)
      rack (>= 1.0.0)
    virtus (1.0.5)
      axiom-types (~> 0.1)
      coercible (~> 1.0)
      descendants_tracker (~> 0.0, >= 0.0.3)
      equalizer (~> 0.0, >= 0.0.9)
    webmock (3.8.3)
      addressable (>= 2.3.6)
      crack (>= 0.3.2)
      hashdiff (>= 0.4.0, < 2.0.0)
    webrick (1.3.1)
    wicked_pdf (0.9.10)
      rails
    will_paginate (3.3.0)
    xml-simple (1.1.5)
    xmlrpc (0.3.0)
    xpath (3.2.0)
      nokogiri (~> 1.8)
    yard (0.9.20)
    yard-cucumber (3.1.0)
      cucumber (~> 2)
      gherkin (~> 4.0)
      yard (~> 0.8, >= 0.8.1)
    zip-zip (0.3)
      rubyzip (>= 1.0.0)

PLATFORMS
  ruby

DEPENDENCIES
  RedCloth (= 4.3.2)
  ZenTest (= 4.4.1)
  active_presenter!
  active_record_query_trace
  active_record_shards (~> 3.2.0)
  activemerchant!
  acts_as_api (= 1.0.1)
  acts_as_list (= 0.1.4)
  acts_as_voteable!
  add_pod_support!
  akismetor!
  ancestry (= 3.0.1)
  ar_shards!
  asset_sync (= 1.1.0)
  authlogic (~> 3.4.2)
  autotest-fsevent (= 0.1.1)
  autotest-growl (= 0.2.0)
  autotest-rails (= 4.1.0)
  aws-sdk (~> 1.31.3)
  aws-sdk-cloudfront (~> 1)
  aws-sdk-cloudwatch (~> 1)
  aws-sdk-dynamodb (~> 1)
  aws-sdk-lambda (~> 1)
  aws-sdk-route53 (~> 1)
  aws-sdk-s3 (~> 1)
  aws-sdk-sns (~> 1)
  aws-sdk-sqs (~> 1)
  aws-sdk-swf (~> 1)
  better_errors (~> 1.1.0)
  binarize (= 0.1.1)!
  binding_of_caller
  braintree (= 2.10.0)
  brakeman
  bullet (= 5.4.3)
  business_time!
  byebug (= 11.0.1)
  central-publisher!
  chargebee (~> 1.5.1)
  charlock_holmes (= 0.7.6)
  clamav-client (= 3.1.0)
  cld2
  clearbit
  cocaine!
  codecov
  compass-blueprint (= 1.0.0)
  compass-rails (= 2.0.0)
  connection_pool
  country_select!
  coverband (= 1.5.4)
  credit_card_sanitizer (~> 0.6.8)
  cucumber-rails
  cucumber_statistics (= 2.3.0)
  curb (~> 0.8.5)
  custom_fields!
  dalli
  database_cleaner (= 1.5.3)
  ddtrace
  deadlock_retry!
  delayed_job!
  dev_notification!
  dnsruby (= 1.60.2)
  dogstatsd-ruby
  doorkeeper (= 2.2.1)
  dynamic_form
  dynamics_crm!
  ebayr!
  ejs (= 1.1.1)
  ejson
  emailserv_request!
  encryptor (= 1.1.3)
  facebook!
  factory_girl_rails (= 4.4.0)
  fake_dynamo (= 0.2.5)
  fake_sqs (= 0.3.1)
  faker (~> 1.4.3)
  fakeweb (~> 1.3)
  faraday (= 0.9)
  faraday_middleware (~> 0.10.0)
  fd_spam_detection_service!
  fluffy!
  fontcustom (= 1.3.3)
  forgery (= 0.5.0)
  formserv-gem!
  freemail (= 0.2.3)
  fresh_request!
  freshdesk_authority!
  freshdesk_features!
  freshid!
  freshid-sdk!
  fuubar (= 2.1.1)
  gemoji-parser (~> 1.3.1)
  gmail_xoauth (~> 0.4.2)
  gnip!
  gnip-rule (= 1.0.0)
  gon (~> 6.4.0)
  google-api-client (~> 0.7.0)
  has_flexiblefields!
  has_no_table!
  has_scope (= 0.6.0)
  helpdesk_attachable!
  highcharts-rails!
  html_to_plain_text (= 1.0.5)
  http_accept_language (~> 2.0.1)
  httparty (= 0.11.0)
  i18n (= 0.9.5)
  i18n-js (= 3.2.1)
  i18nema!
  iconv (~> 1.0.4)
  insensitive_hash (= 0.2.3)
  ipaddress (= 0.8.3)
  jasmine (= 2.4.0)
  jbuilder (= 2.2.13)
  jira4r (= 0.3.0)
  jose (= 1.1.2)
  json (= 1.8.6)
  json-compare (= 0.1.8)
  json-jwt (= 1.9.4)
  json_expressions (= 0.8.3)
  jwe (= 0.3.0)!
  jwt (= 1.5.4)
  koala (= 1.10.1)
  launchparty!
  lhm!
  liquid!
  mail (= 2.5.5)
  marginalia (= 1.7.0)
  meta_request
  minitest (= 4.7.5)
  minitest-rails (= 1.0.1)
  minitest-reporters (= 0.14.24)
  mocha (~> 0.13.0)
  mysql2 (~> 0.3.0)
  namae (= 1.0.1)
  net-http-persistent (~> 2.9.4)
  newrelic_rpm (~> 5.5.0)
  nokogiri (= 1.10.2)
  oauth (= 0.5.4)
  oily_png (= 1.1.1)
  oj
  omniauth (= 1.3.2)
  omniauth-box2 (~> 0.0.1)
  omniauth-constantcontact2 (= 1.0.4)
  omniauth-google (= 1.0.2)
  omniauth-google-oauth2 (= 0.1.13)
  omniauth-mailchimp (= 2.1.0)
  omniauth-oauth (= 1.1.0)
  omniauth-oauth2 (= 1.1.2)
  omniauth-openid (= 1.0.1)
  omniauth-quickbooks (= 0.0.2)
  omniauth-salesforce!
  open_id_authentication!
  opentelemetry-api!
  opentelemetry-exporter-otlp!
  opentelemetry-instrumentation-action_pack!
  opentelemetry-instrumentation-dalli!
  opentelemetry-instrumentation-ethon!
  opentelemetry-instrumentation-mysql2!
  opentelemetry-instrumentation-net_http!
  opentelemetry-instrumentation-rack!
  opentelemetry-instrumentation-rails!
  opentelemetry-instrumentation-redis!
  opentelemetry-sdk!
  optar!
  paperclip (~> 4.2.2)
  paperclip_ext!
  pg (= 0.18.4)
  premailer (= 1.11.1)
  prometheus_exporter!
  pronto (= 0.6.0)
  pronto-brakeman (= 0.6.0)
  pronto-rails_best_practices (= 0.6.0)
  pronto-reek (= 0.6.2)
  pronto-rubocop (= 0.6.2)
  prototype-rails (~> 3.2.0)
  prototype_legacy_helper (= 0.0.0)!
  pry
  pry-byebug
  pry-nav
  rack-cors (~> 0.4.1)
  rack-openid!
  rack-protection (= 1.5.5)
  rack-ssl!
  rack-test (~> 0.6.2)
  rack-throttle (~> 0.5.0)
  rails (= 3.2.22.5)
  rails-dev-boost!
  rails_autolink (= 1.1.6)
  rake (~> 12.3.2)
  range_operators
  rate-limiting!
  rbtrace
  recaptcha (~> 4.14.0)
  redis (= 3.3.1)
  redis-namespace
  resque (~> 1.24.0)
  resque-scheduler (= 2.2.0)
  rest-client (= 1.8.0)
  rforce
  rinku!
  routing-filter (~> 0.3.1)
  rr (~> 1.1.0)
  rspec (~> 3.8.0)
  rspec-collection_matchers (= 1.0.0)
  rspec-rails (~> 3.8.0)
  rspec_junit_formatter (= 0.2.3)
  rubocop (= 0.68.0)
  rubocop-checkstyle_formatter
  ruby-openid!
  ruby-openid-apps-discovery (= 1.2.0)
  ruby-saml (= 1.7.0)
  rubyzip (= 1.3.0)
  rugged (= 0.28.5)
  rule_engine!
  safe_yaml (= 1.0.5)
  sanitize (= 4.6.6)
  sass-rails (= 3.2.6)
  sax-machine (~> 0.1.0)
  seed-fu!
  semian!
  sharding!
  shoryuken (= 5.0.4)
  sidekiq (= 4.2.10)
  sidekiq-pro (= 3.7.1)!
  sidekiq_sober!
  simplecov (~> 0.16.1)
  simplecov-csv
  simplecov-rcov
  sneaky-save
  soap4r-ruby1.9 (~> 2.0.5)
  spork (~> 0.9.0)
  spreadsheet (= 0.6.8)
  spring (= 1.2.0)
  sprockets (= 2.2.3)
  ssl_requirement!
  static_model (~> 1.1.0)
  strong_parameters (= 0.2.3)
  susy (= 2.1.3)
  syck (= 1.0.5)
  symmetric-encryption (= 4.0.0)
  test-unit (= 3.1.7)
  test-unit-minitest
  therubyracer (= 0.12.3)
  thrift (~> 0.9.2.0)
  time_bandits!
  timecop (= 0.8.1)
  tire!
  tnef (= 1.0.2)
  turbo-sprockets-rails3 (= 0.3.14)
  twilio-ruby!
  twitter (~> 5.16.0)
  twitter-text
  typhoeus
  uglifier (~> 2.7.2)
  unicode-display_width (= 1.4.1)
  useragent (~> 0.16.3)
  webmock
  webrick (= 1.3.1)
  white_list!
  wicked_pdf (~> 0.9.10)
  will_filter!
  will_paginate (= 3.3.0)
  will_paginate-liquidized!
  wkhtmltopdf-binary!
  xeroizer!
  xml-simple (= 1.1.5)
  xss!
  yard (= 0.9.20)
  yard-cucumber (= 3.1.0)
  yui-compressor!
  zip-zip

RUBY VERSION
   ruby 2.3.8p459

BUNDLED WITH
   1.17.3
