GIT
  remote: git://github.com/Shopify/active_merchant
  revision: f441a69337ec9779dc383b3156d61006c1024526
  tag: v1.43.1
  specs:
    activemerchant (1.43.1)
      active_utils (~> 2.0, >= 2.0.1)
      activesupport (>= 2.3.14, < 5.0.0)
      builder (>= 2.1.2, < 4.0.0)
      i18n (~> 0.5)
      json (~> 1.7)
      money (< 7.0.0)
      nokogiri (~> 1.4)

GIT
  remote: git://github.com/chrisbutcher/postoffice.git
  revision: 499eed5c1deee5eb78ea07220ebcc61c9012b834
  branch: master
  specs:
    postoffice (0.0.9)

GIT
  remote: git://github.com/freshdesk/Marketo.git
  revision: 5f53130eb61d751b90e6a7f8b1452b308f15a39a
  specs:
    marketo (0.0.2)
      savon
      savon_model

GIT
  remote: git://github.com/freshdesk/akismetor.git
  revision: 12a4150c3ecc7f00817b5646686f8d3e3ad9653e
  specs:
    akismetor (1.1)

GIT
  remote: git://github.com/freshdesk/dalli.git
  revision: 9fcd7d6858ba3d8fa281e57f34e0176ab5740add
  branch: fd_master
  specs:
    dalli (2.7.0)

GIT
  remote: git://github.com/freshdesk/deadlock_retry.git
  revision: 801e84f45aed2ccde10aa085af0aa94f1bf46975
  specs:
    deadlock_retry (1.2.0)

GIT
  remote: git://github.com/freshdesk/large-hadron-migrator.git
  revision: 0672d428cdd985520bffbcbd97ca47ad55333a52
  specs:
    lhm (1.2.0)

GIT
  remote: git://github.com/freshdesk/rack-ssl
  revision: 5e371bb43ba18d4680f7993a24316919fea48474
  branch: ssl
  specs:
    rack-ssl (1.3.4)
      rack

GIT
  remote: git://github.com/freshdesk/rate-limiting.git
  revision: f912dc32d1d4b585dbb39cfb68fc4e9cfcfaf3c2
  tag: v1.2.2
  specs:
    rate-limiting (1.2.2)
      json

GIT
  remote: git://github.com/freshdesk/rinku.git
  revision: 67f54898fe7270f96900a3fa9a4dd50b6b351f25
  specs:
    rinku (1.7.2)

GIT
  remote: git://github.com/freshdesk/ruby-openid.git
  revision: 5a55b54e63f9858c0fb4ebddd8aaf0ba3fe1ac52
  specs:
    ruby-openid (2.2.3)

GIT
  remote: git://github.com/freshdesk/ruby-yui-compressor.git
  revision: 271908bbe2197ce167cc59ba79d4ea0dac15df3f
  specs:
    yui-compressor (0.9.6)
      POpen4 (>= 0.1.4)

GIT
  remote: git://github.com/freshdesk/semian.git
  revision: 1919624caf767d4e091f800efb86a22cb363e723
  tag: v0.1
  specs:
    semian (0.7.1)

GIT
  remote: git://github.com/freshdesk/twilio-ruby.git
  revision: d45f28ca556724f0b751e779c2953eea638f4c76
  branch: freshdesk_master
  specs:
    twilio-ruby (4.13.0)
      builder (>= 2.1.2)
      jwt (~> 1.0)
      multi_json (>= 1.3.0)

GIT
  remote: git://github.com/freshdesk/wkhtmltopdf_binary_gem.git
  revision: f9aa831c91a687f29aaeebf8a08ac7b38af79422
  specs:
    wkhtmltopdf-binary (0.9.9.3)

GIT
  remote: git://github.com/jim/carmen.git
  revision: 964e2ceeef601b792c4c99cd30f4667dbade587d
  tag: ruby-18
  specs:
    carmen (1.0.0.beta2)

GIT
  remote: git://github.com/jorgevaldivia/active_presenter.git
  revision: 4f45be82e5f8566dee9600cbba5cf748685eda19
  specs:
    active_presenter (3.2.2)
      activerecord (>= 3.0.10)

GIT
  remote: git://github.com/neubloc/white_list.git
  revision: fef96494da6259763ddafd7edbec7e7afe3c2fcd
  specs:
    white_list (0.0.1)

GIT
  remote: git://github.com/partyearth/sneaky-save.git
  revision: b000d4f941fc220ea9f4686b99753712b103c853
  specs:
    sneaky-save (0.0.4)
      activerecord (>= 3.2.0)

GIT
  remote: git://github.com/rails/prototype_legacy_helper.git
  revision: a2cd95c3e3c1a4f7a9566efdab5ce59c886cb05f
  specs:
    prototype_legacy_helper (0.0.0)

GIT
  remote: git://github.com/sathishfreshdesk/omniauth-salesforce.git
  revision: 2df5f2968cff74da5ff7818de4273e0ce96d991b
  branch: master
  specs:
    omniauth-salesforce (1.0.3)
      omniauth (~> 1.0)
      omniauth-oauth2 (~> 1.0)

GIT
  remote: git://github.com/stefanpenner/country_select
  revision: b25dc49d4887d79733af5baef6abcbc456fc7e56
  tag: v1.1.2
  specs:
    country_select (1.1.2)

GIT
  remote: git://github.com/thedarkone/rails-dev-boost.git
  revision: a709a10b06b7d9fc4a9846bc613c60c86af9dd7c
  specs:
    rails-dev-boost (0.3.0)
      railties (>= 3.0)

GIT
  remote: git@github.com:TinderBox/dynamics_crm.git
  revision: 7faad5fb219d2549e23adca73388b191992b1693
  branch: master
  specs:
    dynamics_crm (0.7.1)
      builder (>= 3.0.0, < 4.0.0)
      curb (>= 0.8, < 1.0.0)
      mimemagic (>= 0.2, < 4.0.0)

GIT
  remote: git@github.com:freshdesk/batch_api.git
  revision: e0e6711b6b2b66731f1106f2683f66904df21117
  branch: fd-batch-api
  specs:
    batch_api (0.3.0)
      middleware

GIT
  remote: git@github.com:freshdesk/binarize.git
  revision: 025888cc314cd9ffa47a4ed14829940095bcb39b
  branch: not_a_model_column
  specs:
    binarize (0.1.1)
      activerecord (>= 3)

GIT
  remote: git@github.com:freshdesk/central-publisher.git
  revision: dc3d23f4ed44b33e76ef794dd858d9be76c2041f
  tag: v1.0.10
  specs:
    central-publisher (1.0.10)
      active_record_shards (~> 3.2.0)
      faraday (= 0.9)
      faraday_middleware (~> 0.10.0)
      newrelic_rpm (~> 5.5.0)
      rails (~> 3.2.22.3)
      redis (= 3.3.1)
      sidekiq (~> 3.4.1)
      uuidtools

GIT
  remote: git@github.com:freshdesk/cocaine.git
  revision: 9c2d844f229d87fe2ba677ee781fded0883f623d
  tag: v0.5.8.1
  specs:
    cocaine (0.5.8)
      climate_control (>= 0.0.3, < 1.0)

GIT
  remote: git@github.com:freshdesk/emailserv_request.git
  revision: 84996af205809c8a0cc143e1c37fe02405759818
  tag: v1.1
  specs:
    emailserv_request (0.0.1)
      connection_pool (~> 2.2)
      faraday (~> 0.9.0)
      faraday_middleware (~> 0.10.0)

GIT
  remote: git@github.com:freshdesk/fd_rate_limiter.git
  revision: 94ebd47857e65ed3de0c4e1fd8b81d5666aabde1
  branch: dynamic_rules
  specs:
    fd_rate_limiter (0.0.1)

GIT
  remote: git@github.com:freshdesk/formserv-gem.git
  revision: 0fa2da0e9c9eaf06eb7f419dd2e6a46027f03f5f
  specs:
    formserv-gem (0.9.0)
      faraday
      net-http-persistent (= 2.9.4)
      rails

GIT
  remote: git@github.com:freshdesk/fresh_request.git
  revision: 7c521607a3fda8b2976ad5b5b8684ea2b32c635b
  branch: v20
  specs:
    fresh_request (0.0.1)
      faraday (~> 0.9.0)
      faraday_middleware
      hashie
      multi_json
      patron
      redis (= 3.3.1)

GIT
  remote: git@github.com:freshdesk/freshdesk-features.git
  revision: f7c0e3ec6965f289c0efa280ed64a0e6613a25ed
  branch: freshdesk
  specs:
    freshdesk_features (0.0.2)

GIT
  remote: git@github.com:freshdesk/freshid-ruby-client.git
  revision: ace5944855a4e875802ca6dd655acca2241c9191
  tag: v3.0.3
  specs:
    freshid (3.0.3)

GIT
  remote: git@github.com:freshdesk/launch-party.git
  revision: a9ca3c6fd65e41311a68400f3226397101139467
  tag: v0.2.1
  specs:
    launchparty (0.2)
      newrelic_rpm (~> 5.5.0)
      redis (>= 3)
      redis-namespace (>= 1)

GIT
  remote: git@github.com:freshdesk/retire.git
  revision: e8e30b1fa67ae0e3146f9809d3a8158f9c35980e
  specs:
    tire (0.6.2)
      activemodel (>= 3.0)
      activesupport
      ansi
      hashr (~> 0.0.19)
      multi_json (~> 1.3)
      rake
      rest-client (~> 1.6)

GIT
  remote: git@github.com:freshdesk/ruby-jwe.git
  revision: 85175aa156158d16398ed1a53ecada2c7aeda24d
  specs:
    jwe (0.3.0)

GIT
  remote: git@github.com:freshdesk/rule_engine.git
  revision: 4af2e80295ebd9dca954adaa8b2c91d8cf075f8d
  tag: hv0.0.1
  specs:
    rule_engine (0.0.1)

GIT
  remote: git@github.com:freshdesk/time_bandits
  revision: 3e7044932fa5bc10e5ccbc09895e9630d7d417bf
  tag: v1.1
  specs:
    time_bandits (0.10.12)
      activesupport (>= 2.3.2)
      thread_variables

GIT
  remote: git@github.com:freshdesk/xeroizer.git
  revision: db93979351dc8047d6aeeeab63d697f8c4517f7b
  specs:
    xeroizer (2.15.9)
      activesupport
      builder (>= 2.1.2)
      i18n
      nokogiri
      oauth (>= 0.4.5)
      tzinfo

GIT
  remote: https://github.com/freshdesk/i18nema
  revision: 544682bac9976794950ebc5dd15ad21810950a81
  specs:
    i18nema (0.0.8)
      i18n (>= 0.5)
      syck (~> 1.0.0)

PATH
  remote: vendor/gems/acts_as_voteable
  specs:
    acts_as_voteable (0.0.1)
      rails (~> 3.2.18)

PATH
  remote: vendor/gems/add_pod_support-0.0.1
  specs:
    add_pod_support (0.0.1)

PATH
  remote: vendor/gems/ar_shards
  specs:
    ar_shards (0.0.1)
      rails (~> 3.2.18)

PATH
  remote: vendor/gems/business_time
  specs:
    business_time (1.0.0)

PATH
  remote: vendor/gems/custom_fields-0.1
  specs:
    custom_fields (0.1)
      acts_as_list (= 0.1.4)
      rails (~> 3.2.18)

PATH
  remote: vendor/gems/delayed_job
  specs:
    delayed_job (1.7.0)

PATH
  remote: vendor/gems/dev_notification
  specs:
    dev_notification (1.0.0)

PATH
  remote: vendor/gems/ebayr
  specs:
    ebayr (0.0.8)

PATH
  remote: vendor/gems/facebook
  specs:
    facebook (0.0.1)
      rails (~> 3.2.18)

PATH
  remote: vendor/gems/fd_spam_detection_service
  specs:
    fd_spam_detection_service (0.0.1)
      httparty (= 0.10.0)

PATH
  remote: vendor/gems/freshdesk_authority-0.1
  specs:
    freshdesk_authority (0.1)

PATH
  remote: vendor/gems/gnip
  specs:
    gnip (1.0.0)

PATH
  remote: vendor/gems/has_flexiblefields
  specs:
    has_flexiblefields (1.0.0)
      rails (~> 3.2.18)

PATH
  remote: vendor/gems/has_no_table
  specs:
    has_no_table (0.0.1)
      rails (~> 3.2.18)

PATH
  remote: vendor/gems/helpdesk_attachable
  specs:
    helpdesk_attachable (1.0.0)

PATH
  remote: vendor/gems/highcharts-rails
  specs:
    highcharts-rails (3.0.1)
      railties (>= 3.1)

PATH
  remote: vendor/gems/liquid
  specs:
    liquid (2.4.1)

PATH
  remote: vendor/gems/log_filter
  specs:
    log_filter (1.0.0)

PATH
  remote: vendor/gems/open_id_authentication
  specs:
    open_id_authentication (1.0.0)
      rack-openid (>= 0.2.1)

PATH
  remote: vendor/gems/paperclip_ext
  specs:
    paperclip_ext (1.0.0)

PATH
  remote: vendor/gems/rack-openid
  specs:
    rack-openid (1.3.1)
      rack (>= 1.1.0)
      ruby-openid (>= 2.1.8)

PATH
  remote: vendor/gems/seed-fu
  specs:
    seed-fu (1.2.3)
      rails (>= 2.1)

PATH
  remote: vendor/gems/sentient_user
  specs:
    sentient_user (0.3.1)

PATH
  remote: vendor/gems/sharding
  specs:
    sharding (1.0.0)

PATH
  remote: vendor/gems/ssl_requirement
  specs:
    ssl_requirement (1.0.0)

PATH
  remote: vendor/gems/text_data_store
  specs:
    text_data_store (0.0.1)
      rails (~> 3.2.18)

PATH
  remote: vendor/gems/will_filter
  specs:
    will_filter (1.0.0)
      rails (>= 3.2.3)

PATH
  remote: vendor/gems/will_paginate-liquidized
  specs:
    will_paginate-liquidized (1.0.0)

PATH
  remote: vendor/gems/xss
  specs:
    xss (0.0.1)
      rails (~> 3.2.18)

PATH
  remote: vendor/gems/zendesk-features-1.0.2
  specs:
    features (1.0.2)

GEM
  remote: https://rubygems.org/
  remote: https://690a8c5e:5d9334f0@gems.contribsys.com/
  specs:
    CFPropertyList (2.3.2)
    POpen4 (0.1.4)
      Platform (>= 0.4.0)
      open4
    Platform (0.4.0)
    RedCloth (4.3.2)
    ZenTest (4.4.1)
    actionmailer (3.2.22.5)
      actionpack (= 3.2.22.5)
      mail (~> 2.5.4)
    actionpack (3.2.22.5)
      activemodel (= 3.2.22.5)
      activesupport (= 3.2.22.5)
      builder (~> 3.0.0)
      erubis (~> 2.7.0)
      journey (~> 1.0.4)
      rack (~> 1.4.5)
      rack-cache (~> 1.2)
      rack-test (~> 0.6.1)
      sprockets (~> 2.2.1)
    active_record_query_trace (1.5.4)
    active_record_shards (3.2.1)
      activerecord (>= 3.2.16, < 4.2)
      activesupport (>= 3.2.16, < 4.2)
    active_utils (2.2.3)
      activesupport (>= 2.3.11)
      i18n
    activemodel (3.2.22.5)
      activesupport (= 3.2.22.5)
      builder (~> 3.0.0)
    activerecord (3.2.22.5)
      activemodel (= 3.2.22.5)
      activesupport (= 3.2.22.5)
      arel (~> 3.0.2)
      tzinfo (~> 0.3.29)
    activeresource (3.2.22.5)
      activemodel (= 3.2.22.5)
      activesupport (= 3.2.22.5)
    activesupport (3.2.22.5)
      i18n (~> 0.6, >= 0.6.4)
      multi_json (~> 1.0)
    acts_as_api (1.0.1)
      activemodel (>= 3.0.0)
      activesupport (>= 3.0.0)
      rack (>= 1.1.0)
    acts_as_list (0.1.4)
    addressable (2.4.0)
    amq-protocol (2.0.1)
    ancestry (3.0.1)
      activerecord (>= 3.2.0)
    ansi (1.5.0)
    arel (3.0.3)
    asset_sync (1.1.0)
      activemodel
      fog (>= 1.8.0)
      unf
    ast (2.4.0)
    authlogic (3.4.6)
      activerecord (>= 3.2)
      activesupport (>= 3.2)
      request_store (~> 1.0)
      scrypt (>= 1.2, < 3.0)
    autoparse (0.3.3)
      addressable (>= 2.3.1)
      extlib (>= 0.9.15)
      multi_json (>= 1.0.0)
    autotest (4.4.6)
      ZenTest (>= 4.4.1)
    autotest-fsevent (0.1.1)
      ZenTest (>= 4.0.0)
      sys-uname (>= 0.8.3)
    autotest-growl (0.2.0)
      autotest (>= 4.2.4)
    autotest-rails (4.1.0)
      ZenTest
    aws-sdk (1.31.3)
      json (~> 1.4)
      nokogiri (>= 1.4.4)
      uuidtools (~> 2.1)
    aws-sdk-core (2.4.2)
      jmespath (~> 1.0)
    aws-sdk-resources (2.4.2)
      aws-sdk-core (= 2.4.2)
    axiom-types (0.1.1)
      descendants_tracker (~> 0.0.4)
      ice_nine (~> 0.11.0)
      thread_safe (~> 0.3, >= 0.3.1)
    beefcake (0.3.7)
    better_errors (1.1.0)
      coderay (>= 1.0.0)
      erubis (>= 2.6.6)
    binding_of_caller (0.7.2)
      debug_inspector (>= 0.0.1)
    bootsnap (1.3.0)
      msgpack (~> 1.0)
    braintree (2.10.0)
      builder
    brakeman (3.3.0)
    buftok (0.2.0)
    builder (3.0.4)
    bullet (5.1.1)
      activesupport (>= 3.0.0)
      uniform_notifier (~> 1.10.0)
    bunny (1.7.0)
      amq-protocol (>= 1.9.2)
    byebug (9.0.5)
    callsite (0.0.11)
    capybara (2.11.0)
      addressable
      mime-types (>= 1.16)
      nokogiri (>= 1.3.3)
      rack (>= 1.0.0)
      rack-test (>= 0.5.4)
      xpath (~> 2.0)
    celluloid (0.16.0)
      timers (~> 4.0.0)
    chargebee (1.5.9)
      json_pure (~> 1.5)
      rest-client (~> 1.4)
    charlock_holmes (0.7.3)
    chunky_png (1.3.6)
    clamav-client (3.1.0)
    cld2 (1.0.3)
      ffi (~> 1.9.3)
    clearbit (0.2.7)
      nestful (~> 1.1.0)
    climate_control (0.2.0)
    clockwork (0.4.1)
      tzinfo
    code_analyzer (0.4.8)
      sexp_processor
    codeclimate-engine-rb (0.4.1)
      virtus (~> 1.0)
    codecov (0.1.10)
      json
      simplecov
      url
    coderay (1.1.1)
    coercible (1.0.0)
      descendants_tracker (~> 0.0.1)
    compass (1.0.3)
      chunky_png (~> 1.2)
      compass-core (~> 1.0.2)
      compass-import-once (~> 1.0.5)
      rb-fsevent (>= 0.9.3)
      rb-inotify (>= 0.9)
      sass (>= 3.3.13, < 3.5)
    compass-blueprint (1.0.0)
      compass
    compass-core (1.0.3)
      multi_json (~> 1.0)
      sass (>= 3.3.0, < 3.5)
    compass-import-once (1.0.5)
      sass (>= 3.2, < 3.5)
    compass-rails (2.0.0)
      compass (>= 0.12.2)
    concurrent-ruby (1.0.4)
    connection_pool (2.2.1)
    crack (0.4.3)
      safe_yaml (~> 1.0.0)
    crass (1.0.3)
    css_parser (1.4.5)
      addressable
    cucumber (2.4.0)
      builder (>= 2.1.2)
      cucumber-core (~> 1.5.0)
      cucumber-wire (~> 0.0.1)
      diff-lcs (>= 1.1.3)
      gherkin (~> 4.0)
      multi_json (>= 1.7.5, < 2.0)
      multi_test (>= 0.1.2)
    cucumber-core (1.5.0)
      gherkin (~> 4.0)
    cucumber-rails (1.4.5)
      capybara (>= 1.1.2, < 3)
      cucumber (>= 1.3.8, < 4)
      mime-types (>= 1.16, < 4)
      nokogiri (~> 1.5)
      railties (>= 3, < 5.1)
    cucumber-wire (0.0.1)
    cucumber_statistics (2.3.0)
      cucumber (>= 2.1.0)
      haml
      tilt
      virtus
    curb (0.8.8)
    database_cleaner (1.5.3)
    debug_inspector (0.0.2)
    descendants_tracker (0.0.4)
      thread_safe (~> 0.3, >= 0.3.1)
    diff-lcs (1.2.5)
    dnsruby (1.60.0)
    docile (1.3.0)
    domain_name (0.5.20161129)
      unf (>= 0.0.5, < 1.0.0)
    doorkeeper (2.2.1)
      railties (>= 3.2)
    dynamic_form (1.1.4)
    ejs (1.1.1)
    encryptor (1.1.3)
    equalizer (0.0.10)
    erubis (2.7.0)
    ethon (0.9.0)
      ffi (>= 1.3.0)
    excon (0.51.0)
    execjs (2.7.0)
    extlib (0.9.16)
    factory_girl (4.4.0)
      activesupport (>= 3.0.0)
    factory_girl_rails (4.4.0)
      factory_girl (~> 4.4.0)
      railties (>= 3.0.0)
    fake_dynamo (0.2.5)
      activesupport
      json
      sinatra
    fake_sqs (0.3.1)
      builder
      sinatra
    faker (1.4.3)
      i18n (~> 0.5)
    fakeweb (1.3.0)
    faraday (0.9.0)
      multipart-post (>= 1.2, < 3)
    faraday_middleware (0.10.0)
      faraday (>= 0.7.4, < 0.10)
    ffi (1.9.14)
    ffi-compiler (1.0.1)
      ffi (>= 1.0.0)
      rake
    fission (0.5.0)
      CFPropertyList (~> 2.2)
    fog (1.38.0)
      fog-aliyun (>= 0.1.0)
      fog-atmos
      fog-aws (>= 0.6.0)
      fog-brightbox (~> 0.4)
      fog-cloudatcost (~> 0.1.0)
      fog-core (~> 1.32)
      fog-dynect (~> 0.0.2)
      fog-ecloud (~> 0.1)
      fog-google (<= 0.1.0)
      fog-json
      fog-local
      fog-openstack
      fog-powerdns (>= 0.1.1)
      fog-profitbricks
      fog-rackspace
      fog-radosgw (>= 0.0.2)
      fog-riakcs
      fog-sakuracloud (>= 0.0.4)
      fog-serverlove
      fog-softlayer
      fog-storm_on_demand
      fog-terremark
      fog-vmfusion
      fog-voxel
      fog-vsphere (>= 0.4.0)
      fog-xenserver
      fog-xml (~> 0.1.1)
      ipaddress (~> 0.5)
    fog-aliyun (0.1.0)
      fog-core (~> 1.27)
      fog-json (~> 1.0)
      ipaddress (~> 0.8)
      xml-simple (~> 1.1)
    fog-atmos (0.1.0)
      fog-core
      fog-xml
    fog-aws (0.10.0)
      fog-core (~> 1.38)
      fog-json (~> 1.0)
      fog-xml (~> 0.1)
      ipaddress (~> 0.8)
    fog-brightbox (0.11.0)
      fog-core (~> 1.22)
      fog-json
      inflecto (~> 0.0.2)
    fog-cloudatcost (0.1.2)
      fog-core (~> 1.36)
      fog-json (~> 1.0)
      fog-xml (~> 0.1)
      ipaddress (~> 0.8)
    fog-core (1.42.0)
      builder
      excon (~> 0.49)
      formatador (~> 0.2)
    fog-dynect (0.0.3)
      fog-core
      fog-json
      fog-xml
    fog-ecloud (0.3.0)
      fog-core
      fog-xml
    fog-google (0.1.0)
      fog-core
      fog-json
      fog-xml
    fog-json (1.0.2)
      fog-core (~> 1.0)
      multi_json (~> 1.10)
    fog-local (0.3.0)
      fog-core (~> 1.27)
    fog-openstack (0.1.8)
      fog-core (>= 1.40)
      fog-json (>= 1.0)
      ipaddress (>= 0.8)
    fog-powerdns (0.1.1)
      fog-core (~> 1.27)
      fog-json (~> 1.0)
      fog-xml (~> 0.1)
    fog-profitbricks (0.0.5)
      fog-core
      fog-xml
      nokogiri
    fog-rackspace (0.1.1)
      fog-core (>= 1.35)
      fog-json (>= 1.0)
      fog-xml (>= 0.1)
      ipaddress (>= 0.8)
    fog-radosgw (0.0.5)
      fog-core (>= 1.21.0)
      fog-json
      fog-xml (>= 0.0.1)
    fog-riakcs (0.1.0)
      fog-core
      fog-json
      fog-xml
    fog-sakuracloud (1.7.5)
      fog-core
      fog-json
    fog-serverlove (0.1.2)
      fog-core
      fog-json
    fog-softlayer (1.1.3)
      fog-core
      fog-json
    fog-storm_on_demand (0.1.1)
      fog-core
      fog-json
    fog-terremark (0.1.0)
      fog-core
      fog-xml
    fog-vmfusion (0.1.0)
      fission
      fog-core
    fog-voxel (0.1.0)
      fog-core
      fog-xml
    fog-vsphere (0.8.0)
      fog-core
      rbvmomi (~> 1.8)
    fog-xenserver (0.2.3)
      fog-core
      fog-xml
    fog-xml (0.1.2)
      fog-core
      nokogiri (~> 1.5, >= 1.5.11)
    fontcustom (1.3.3)
      json (~> 1.4)
      listen (~> 1.0)
      thor (~> 0.14)
    forgery (0.5.0)
    formatador (0.2.5)
    freemail (0.2.3)
    fuubar (2.1.1)
      rspec (~> 3.0)
      ruby-progressbar (~> 1.4)
    gemoji (3.0.0)
    gemoji-parser (1.3.1)
      gemoji (>= 2.1.0)
    gherkin (4.0.0)
    git-version-bump (0.15.1)
    gitlab (3.6.1)
      httparty
      terminal-table
    gnip-rule (1.0.0)
      json (>= 1.8, < 3)
      rest-client (>= 1.6, < 3)
    gon (6.1.0)
      actionpack (>= 3.0)
      addressable (>= 2.3.2)
      autoparse (>= 0.3.3)
      extlib (>= 0.9.15)
      faraday (>= 0.9.0)
      json
      jwt (>= 0.1.5)
      launchy (>= 2.1.1)
      multi_json
      multi_json (>= 1.0.0)
      request_store (>= 1.0)
      retriable (>= 1.4)
      signet (>= 0.5.0)
      uuidtools (>= 2.1.0)
    google-api-client (0.7.1)
    gyoku (1.3.1)
      builder (>= 2.1.2)
    haml (4.0.7)
      tilt
    hamster (3.0.0)
      concurrent-ruby (~> 1.0)
    hashdiff (0.3.7)
    hashie (3.5.7)
    hashr (0.0.22)
    hike (1.2.3)
    hitimes (1.2.6)
    html_to_plain_text (1.0.5)
      nokogiri (>= 1.4.0)
    htmlentities (4.3.4)
    http (1.0.4)
      addressable (~> 2.3)
      http-cookie (~> 1.0)
      http-form_data (~> 1.0.1)
      http_parser.rb (~> 0.6.0)
    http-cookie (1.0.3)
      domain_name (~> 0.5)
    http-form_data (1.0.1)
    http_accept_language (2.0.5)
    http_parser.rb (0.6.0)
    httparty (0.10.0)
      multi_json (~> 1.0)
      multi_xml
    httpclient (2.8.0)
    httpi (2.4.2)
      rack
      socksify
    i18n (0.6.11)
    i18n-js (3.0.0.rc11)
      i18n (~> 0.6)
    ice_nine (0.11.2)
    iconv (1.0.4)
    inflecto (0.0.2)
    innertube (1.0.2)
    insensitive_hash (0.2.3)
    ipaddress (0.8.0)
    jammit (0.6.5)
      yui-compressor (>= 0.9.3)
    jasmine (2.4.0)
      jasmine-core (~> 2.4)
      phantomjs
      rack (>= 1.2.1)
      rake
    jasmine-core (2.4.1)
    jbuilder (2.2.13)
      activesupport (>= 3.0.0, < 5)
      multi_json (~> 1.2)
    jira4r (0.3.0)
      soap4r
    jmespath (1.3.1)
    jose (1.1.2)
      hamster
    journey (1.0.4)
    json (1.8.3)
    json-compare (0.1.8)
    json_expressions (0.8.3)
    json_pure (1.8.3)
    jwt (1.5.4)
    koala (1.10.1)
      addressable
      faraday
      multi_json
    launchy (2.4.3)
      addressable (~> 2.3)
    libv8 (3.16.14.15)
    listen (1.3.1)
      rb-fsevent (>= 0.9.3)
      rb-inotify (>= 0.9)
      rb-kqueue (>= 0.2)
    lockfile (1.4.3)
    mail (2.5.5)
      mime-types (~> 1.16)
      treetop (~> 1.4.8)
    marginalia (1.5.0)
      actionpack (>= 2.3)
      activerecord (>= 2.3)
    memoizable (0.4.2)
      thread_safe (~> 0.3, >= 0.3.1)
    meta_request (0.4.0)
      callsite (~> 0.0, >= 0.0.11)
      rack-contrib (~> 1.1)
      railties (>= 3.0.0, < 5.1.0)
    metaclass (0.0.4)
    method_source (0.8.2)
    middleware (0.1.0)
    mime-types (1.25.1)
    mimemagic (0.3.1)
    mini_portile2 (2.3.0)
    minitest (4.7.5)
    minitest-rails (1.0.1)
      minitest (~> 4.7)
      minitest-test (~> 1.0)
      railties (>= 3.0, < 4.1)
    minitest-reporters (0.14.24)
      ansi
      builder
      minitest (>= 2.12, < 5.0)
      powerbar
    minitest-test (1.1.0)
      minitest (~> 4.0)
    mocha (0.13.3)
      metaclass (~> 0.0.1)
    money (6.7.1)
      i18n (>= 0.6.4, <= 0.7.0)
      sixarm_ruby_unaccent (>= 1.1.1, < 2)
    mono_logger (1.1.0)
    msgpack (1.0.0)
    multi_json (1.13.1)
    multi_test (0.1.2)
    multi_xml (0.5.5)
    multipart-post (2.0.0)
    mysql2 (0.3.21)
    namae (0.8.4)
    naught (1.1.0)
    nestful (1.1.1)
    net-http-persistent (2.9.4)
    netrc (0.11.0)
    newrelic_rpm (5.5.0.348)
    nokogiri (1.8.5)
      mini_portile2 (~> 2.3.0)
    nokogumbo (1.5.0)
      nokogiri
    nori (2.6.0)
    oauth (0.4.5)
    oauth2 (0.9.4)
      faraday (>= 0.8, < 0.10)
      jwt (~> 1.0)
      multi_json (~> 1.3)
      multi_xml (~> 0.5)
      rack (~> 1.2)
    octokit (4.8.0)
      sawyer (~> 0.8.0, >= 0.5.3)
    oily_png (1.1.1)
      chunky_png (~> 1.3.0)
    omniauth (1.3.2)
      hashie (>= 1.2, < 4)
      rack (>= 1.0, < 3)
    omniauth-box2 (0.0.1)
      omniauth (~> 1.0)
    omniauth-constantcontact2 (1.0.4)
      multi_json (~> 1.0)
      multi_xml
      omniauth (~> 1.0)
      omniauth-oauth2 (~> 1.0)
    omniauth-google (1.0.2)
      multi_json
      omniauth (~> 1.0)
      omniauth-oauth
    omniauth-google-oauth2 (0.1.13)
      omniauth (~> 1.0)
      omniauth-oauth2
    omniauth-mailchimp (1.0.3)
      omniauth (~> 1.0)
      omniauth-oauth2
    omniauth-oauth (1.1.0)
      oauth
      omniauth (~> 1.0)
    omniauth-oauth2 (1.1.2)
      faraday (>= 0.8, < 0.10)
      multi_json (~> 1.3)
      oauth2 (~> 0.9.3)
      omniauth (~> 1.2)
    omniauth-openid (1.0.1)
      omniauth (~> 1.0)
      rack-openid (~> 1.3.1)
    omniauth-quickbooks (0.0.2)
      omniauth-oauth (~> 1.0)
    open4 (1.3.4)
    paperclip (4.2.4)
      activemodel (>= 3.2.0)
      activesupport (>= 3.2.0)
      cocaine (~> 0.5.5)
      mime-types
    parallel (1.12.1)
    parser (2.5.0.0)
      ast (~> 2.4.0)
    patron (0.7.1)
    pg (0.18.4)
    phantomjs (2.1.1.0)
    polyglot (0.3.5)
    power_assert (0.3.0)
    powerbar (1.0.17)
      hashie (>= 1.1.0)
    powerpack (0.1.1)
    premailer (1.8.7)
      css_parser (>= 1.4.5)
      htmlentities (>= 4.0.0)
    pronto (0.6.0)
      gitlab (~> 3.6, >= 3.4.0)
      octokit (~> 4.3, >= 4.1.0)
      rugged (~> 0.24, >= 0.23.0)
      thor (~> 0.19.0)
    pronto-brakeman (0.6.0)
      brakeman (~> 3.2, >= 3.2.0)
      pronto (~> 0.6.0)
    pronto-rails_best_practices (0.6.0)
      pronto (~> 0.6.0)
      rails_best_practices (~> 1.16, >= 1.15.0)
    pronto-reek (0.6.2)
      pronto (~> 0.6.0)
      reek (~> 4.2)
    pronto-rubocop (0.6.2)
      pronto (~> 0.6.0)
      rubocop (~> 0.38, >= 0.35.0)
    prototype-rails (3.2.1)
      rails (~> 3.2)
    pry (0.10.4)
      coderay (~> 1.1.0)
      method_source (~> 0.8.1)
      slop (~> 3.4)
    pry-byebug (3.4.0)
      byebug (~> 9.0)
      pry (~> 0.10)
    pry-nav (0.2.4)
      pry (>= 0.9.10, < 0.11.0)
    rack (1.4.7)
    rack-cache (1.7.1)
      rack (>= 0.4)
    rack-contrib (1.4.0)
      git-version-bump (~> 0.15)
      rack (~> 1.4)
    rack-cors (0.4.1)
    rack-protection (1.5.4)
      rack
    rack-test (0.6.3)
      rack (>= 1.0)
    rack-throttle (0.3.0)
      rack (>= 1.0.0)
    rails (3.2.22.5)
      actionmailer (= 3.2.22.5)
      actionpack (= 3.2.22.5)
      activerecord (= 3.2.22.5)
      activeresource (= 3.2.22.5)
      activesupport (= 3.2.22.5)
      bundler (~> 1.0)
      railties (= 3.2.22.5)
    rails_autolink (1.1.6)
      rails (> 3.1)
    rails_best_practices (1.19.1)
      activesupport
      code_analyzer (>= 0.4.8)
      erubis
      i18n
      json
      require_all (~> 1.5.0)
      ruby-progressbar
    railties (3.2.22.5)
      actionpack (= 3.2.22.5)
      activesupport (= 3.2.22.5)
      rack-ssl (~> 1.3.2)
      rake (>= 0.8.7)
      rdoc (~> 3.4)
      thor (>= 0.14.6, < 2.0)
    rainbow (3.0.0)
    rake (10.4.2)
    rb-fsevent (0.9.7)
    rb-inotify (0.9.7)
      ffi (>= 0.5.0)
    rb-kqueue (0.2.4)
      ffi (>= 0.5.0)
    rbtrace (0.4.8)
      ffi (>= 1.0.6)
      msgpack (>= 0.4.3)
      trollop (>= 1.16.2)
    rbvmomi (1.8.2)
      builder
      nokogiri (>= 1.4.1)
      trollop
    rdoc (3.12.2)
      json (~> 1.4)
    recaptcha (4.4.1)
      json
    redis (3.3.1)
    redis-namespace (1.6.0)
      redis (>= 3.0.4)
    reek (4.8.0)
      codeclimate-engine-rb (~> 0.4.0)
      parser (>= 2.5.0.0, < 2.6)
      rainbow (~> 3.0)
    ref (2.0.0)
    request_store (1.3.1)
    require_all (1.5.0)
    resque (1.24.1)
      mono_logger (~> 1.0)
      multi_json (~> 1.0)
      redis-namespace (~> 1.2)
      sinatra (>= 0.9.2)
      vegas (~> 0.1.2)
    resque-scheduler (2.2.0)
      redis (>= 3.0.0)
      resque (>= 1.20.0, < 1.25)
      rufus-scheduler (~> 2.0)
    resque-status (0.4.1)
      resque (~> 1.19)
    rest-client (1.8.0)
      http-cookie (>= 1.0.2, < 2.0)
      mime-types (>= 1.16, < 3.0)
      netrc (~> 0.7)
    retriable (2.1.0)
    rforce (0.13)
      builder (~> 3.0)
      oauth (~> 0.4)
    riak-client (1.4.2)
      beefcake (~> 0.3.7)
      builder (>= 2.1.2)
      i18n (>= 0.4.0)
      innertube (~> 1.0.2)
      multi_json (~> 1.0)
    riddle (1.2.2)
    routing-filter (0.3.1)
      actionpack
    rr (1.1.2)
    rspec (3.0.0)
      rspec-core (~> 3.0.0)
      rspec-expectations (~> 3.0.0)
      rspec-mocks (~> 3.0.0)
    rspec-collection_matchers (1.0.0)
      rspec-expectations (>= 2.99.0.beta1)
    rspec-core (3.0.4)
      rspec-support (~> 3.0.0)
    rspec-expectations (3.0.4)
      diff-lcs (>= 1.2.0, < 2.0)
      rspec-support (~> 3.0.0)
    rspec-mocks (3.0.4)
      rspec-support (~> 3.0.0)
    rspec-rails (3.0.2)
      actionpack (>= 3.0)
      activesupport (>= 3.0)
      railties (>= 3.0)
      rspec-core (~> 3.0.0)
      rspec-expectations (~> 3.0.0)
      rspec-mocks (~> 3.0.0)
      rspec-support (~> 3.0.0)
    rspec-support (3.0.4)
    rspec_junit_formatter (0.2.3)
      builder (< 4)
      rspec-core (>= 2, < 4, != 2.12.0)
    rubocop (0.52.1)
      parallel (~> 1.10)
      parser (>= 2.4.0.2, < 3.0)
      powerpack (~> 0.1)
      rainbow (>= 2.2.2, < 4.0)
      ruby-progressbar (~> 1.7)
      unicode-display_width (~> 1.0, >= 1.0.1)
    rubocop-checkstyle_formatter (0.4.0)
      rubocop (>= 0.35.1)
    ruby-ole (1.2.12)
    ruby-openid-apps-discovery (1.2.0)
      ruby-openid (>= 2.1.7)
    ruby-progressbar (1.9.0)
    ruby-saml (1.7.0)
      nokogiri (>= 1.5.10)
    rubytree (0.9.7)
      json (~> 1.8)
      structured_warnings (~> 0.2)
    rubyzip (1.2.2)
    rufus-scheduler (2.0.24)
      tzinfo (>= 0.3.22)
    rugged (0.24.0)
    safe_yaml (1.0.4)
    sanitize (4.6.5)
      crass (~> 1.0.2)
      nokogiri (>= 1.4.4)
      nokogumbo (~> 1.4)
    sass (3.4.22)
    sass-rails (3.2.6)
      railties (~> 3.2.0)
      sass (>= 3.1.10)
      tilt (~> 1.3)
    savon (0.9.2)
      builder (>= 2.1.2)
      gyoku (>= 0.4.0)
      httpi (>= 0.7.8)
      nokogiri (>= 1.4.0)
      nori (>= 0.2.0)
    savon_model (1.2.0)
      httpi (>= 0.7.8)
      savon (>= 0.8.2, < 0.9.8)
    sawyer (0.8.1)
      addressable (>= 2.3.5, < 2.6)
      faraday (~> 0.8, < 1.0)
    sax-machine (0.1.0)
      nokogiri (> 0.0.0)
    scrypt (2.1.1)
      ffi-compiler (>= 0.0.2)
      rake
    sexp_processor (4.10.1)
    shoryuken (2.0.4)
      aws-sdk-core (~> 2)
      celluloid (~> 0.16)
    sidekiq (3.4.2)
      celluloid (~> 0.16.0)
      connection_pool (~> 2.2, >= 2.2.0)
      json (~> 1.0)
      redis (~> 3.2, >= 3.2.1)
      redis-namespace (~> 1.5, >= 1.5.2)
    sidekiq-pro (2.1.5)
      sidekiq (~> 3, >= 3.4.2)
    signet (0.7.3)
      addressable (~> 2.3)
      faraday (~> 0.9)
      jwt (~> 1.5)
      multi_json (~> 1.10)
    simple_oauth (0.3.1)
    simplecov (0.16.1)
      docile (~> 1.1)
      json (>= 1.8, < 3)
      simplecov-html (~> 0.10.0)
    simplecov-csv (0.1.3)
      simplecov
    simplecov-html (0.10.2)
    simplecov-rcov (0.2.3)
      simplecov (>= 0.4.1)
    sinatra (1.4.6)
      rack (~> 1.4)
      rack-protection (~> 1.4)
      tilt (>= 1.3, < 3)
    sixarm_ruby_unaccent (1.1.1)
    slop (3.6.0)
    soap4r (1.5.8)
      httpclient (>= 2.1.1)
    soap4r-ruby1.9 (2.0.5)
    socksify (1.7.0)
    spork (0.9.2)
    spreadsheet (0.6.8)
      hike (~> 1.2)
      multi_json (~> 1.0)
      rack (~> 1.0)
      ruby-ole (>= 1.0)
      tilt (~> 1.1, != 1.3.0)
    sprockets (2.2.3)
      hike (~> 1.2)
      multi_json (~> 1.0)
      rack (~> 1.0)
      tilt (~> 1.1, != 1.3.0)
    static_model (1.0.4)
    stopwords-filter (0.4.1)
    strong_parameters (0.2.3)
      actionpack (~> 3.0)
      activemodel (~> 3.0)
      activesupport (~> 3.0)
      railties (~> 3.0)
    structured_warnings (0.2.0)
    susy (2.1.3)
      sass (>= 3.3.0, < 3.5)
    syck (1.0.5)
    sys-uname (1.0.2)
      ffi (>= 1.0.0)
    telephone_number (1.1.1)
    terminal-table (1.8.0)
      unicode-display_width (~> 1.1, >= 1.1.1)
    test-unit (3.1.7)
      power_assert
    test-unit-minitest (0.9.1)
      minitest (~> 4.7)
    therubyracer (0.12.2)
      libv8 (~> 3.16.14.0)
      ref
    thor (0.19.4)
    thread_safe (0.3.5)
    thread_variables (0.2.0)
    thrift (0.9.2.0)
    tilt (1.4.1)
    timecop (0.8.1)
    timers (4.0.4)
      hitimes
    tnef (1.0.2)
    treetop (1.4.15)
      polyglot
      polyglot (>= 0.3.1)
    trollop (2.1.2)
    turbo-sprockets-rails3 (0.3.14)
      railties (> 3.2.8, < 4.0.0)
      sprockets (>= 2.2.0)
    twitter (5.16.0)
      addressable (~> 2.3)
      buftok (~> 0.2.0)
      equalizer (= 0.0.10)
      faraday (~> 0.9.0)
      http (~> 1.0)
      http_parser.rb (~> 0.6.0)
      json (~> 1.8)
      memoizable (~> 0.4.0)
      naught (~> 1.0)
      simple_oauth (~> 0.3.0)
    typhoeus (1.1.0)
      ethon (>= 0.9.0)
    tzinfo (0.3.51)
      execjs (>= 0.3.0)
    uglifier (2.7.2)
      execjs (>= 0.3.0)
      json (>= 1.8.0)
    unf (0.1.4)
      unf_ext
    unf_ext (0.0.7.2)
    unicode-display_width (1.3.0)
    uniform_notifier (1.10.0)
    url (0.3.2)
    useragent (0.16.7)
    uuidtools (2.1.5)
    vegas (0.1.11)
      rack (>= 1.0.0)
    virtus (1.0.5)
      axiom-types (~> 0.1)
      coercible (~> 1.0)
      descendants_tracker (~> 0.0, >= 0.0.3)
      equalizer (~> 0.0, >= 0.0.9)
    webmock (3.3.0)
      addressable (>= 2.3.6)
      crack (>= 0.3.2)
      hashdiff
    webrick (1.3.1)
    wicked_pdf (0.9.10)
      rails
    will_paginate (3.0.6)
    xml-simple (1.1.4)
    xpath (2.0.0)
      nokogiri (~> 1.3)
    yard (0.9.12)
    yard-cucumber (3.1.0)
      cucumber (~> 2)
      gherkin (~> 4.0)
      yard (~> 0.8, >= 0.8.1)
    zip-zip (0.3)
      rubyzip (>= 1.0.0)

PLATFORMS
  ruby

DEPENDENCIES
  RedCloth (= 4.3.2)
  ZenTest (= 4.4.1)
  active_presenter!
  active_record_query_trace
  active_record_shards (~> 3.2.0)
  activemerchant!
  acts_as_api (= 1.0.1)
  acts_as_list (= 0.1.4)
  acts_as_voteable!
  add_pod_support!
  akismetor!
  ancestry (= 3.0.1)
  ar_shards!
  asset_sync (= 1.1.0)
  authlogic (~> 3.4.2)
  autotest-fsevent (= 0.1.1)
  autotest-growl (= 0.2.0)
  autotest-rails (= 4.1.0)
  aws-sdk (~> 1.31.3)
  aws-sdk-resources (~> 2)
  batch_api!
  better_errors (~> 1.1.0)
  binarize (= 0.1.1)!
  binding_of_caller
  bootsnap
  braintree (= 2.10.0)
  brakeman
  bullet
  bunny (= 1.7.0)
  business_time!
  carmen!
  central-publisher!
  chargebee (~> 1.5.1)
  charlock_holmes (= 0.7.3)
  clamav-client (= 3.1.0)
  cld2
  clearbit
  clockwork (= 0.4.1)
  cocaine!
  codecov
  compass-blueprint (= 1.0.0)
  compass-rails (= 2.0.0)
  connection_pool
  country_select!
  cucumber-rails
  cucumber_statistics
  curb (~> 0.8.5)
  custom_fields!
  dalli!
  database_cleaner
  deadlock_retry!
  delayed_job!
  dev_notification!
  dnsruby
  doorkeeper (= 2.2.1)
  dynamic_form
  dynamics_crm!
  ebayr!
  ejs (= 1.1.1)
  emailserv_request!
  encryptor (= 1.1.3)
  facebook!
  factory_girl_rails (= 4.4.0)
  fake_dynamo
  fake_sqs
  faker (~> 1.4.3)
  fakeweb (~> 1.3)
  faraday (= 0.9)
  faraday_middleware (~> 0.10.0)
  fd_rate_limiter!
  fd_spam_detection_service!
  features!
  fontcustom (= 1.3.3)
  forgery (= 0.5.0)
  formserv-gem (= 0.9.0)!
  freemail (= 0.2.3)
  fresh_request!
  freshdesk_authority!
  freshdesk_features!
  freshid!
  fuubar
  gemoji-parser (~> 1.3.1)
  gnip!
  gnip-rule (= 1.0.0)
  gon (= 6.1.0)
  google-api-client (~> 0.7.0)
  has_flexiblefields!
  has_no_table!
  helpdesk_attachable!
  highcharts-rails!
  html_to_plain_text (= 1.0.5)
  http_accept_language (~> 2.0.1)
  httparty (= 0.10.0)
  i18n (~> 0.6.0)
  i18n-js (= 3.0.0.rc11)
  i18nema!
  iconv (~> 1.0.4)
  insensitive_hash (= 0.2.3)
  ipaddress (= 0.8.0)
  jammit (= 0.6.5)
  jasmine
  jbuilder (= 2.2.13)
  jira4r (= 0.3.0)
  jose (= 1.1.2)
  json (= 1.8.3)
  json-compare (= 0.1.8)
  json_expressions
  jwe (= 0.3.0)!
  jwt (= 1.5.4)
  koala (= 1.10.1)
  launchparty!
  lhm!
  liquid!
  lockfile (= 1.4.3)
  log_filter!
  mail (= 2.5.5)
  marginalia
  marketo!
  meta_request
  minitest (= 4.7.5)
  minitest-rails (= 1.0.1)
  minitest-reporters (= 0.14.24)
  mocha (~> 0.13.0)
  mysql2 (~> 0.3.0)
  namae (= 0.8.4)
  net-http-persistent (~> 2.9.4)
  newrelic_rpm (~> 5.5.0)
  nokogiri (= 1.8.5)
  oauth (= 0.4.5)
  oily_png (= 1.1.1)
  omniauth (= 1.3.2)
  omniauth-box2 (~> 0.0.1)
  omniauth-constantcontact2 (= 1.0.4)
  omniauth-google (= 1.0.2)
  omniauth-google-oauth2 (= 0.1.13)
  omniauth-mailchimp (= 1.0.3)
  omniauth-oauth (= 1.1.0)
  omniauth-oauth2 (= 1.1.2)
  omniauth-openid (= 1.0.1)
  omniauth-quickbooks (= 0.0.2)
  omniauth-salesforce!
  open_id_authentication!
  paperclip (~> 4.2.2)
  paperclip_ext!
  pg
  postoffice!
  premailer (~> 1.8.0)
  pronto
  pronto-brakeman
  pronto-rails_best_practices
  pronto-reek
  pronto-rubocop
  prototype-rails (~> 3.2.0)
  prototype_legacy_helper (= 0.0.0)!
  pry
  pry-byebug
  pry-nav
  rack-cache (~> 1.2)
  rack-cors (~> 0.4.1)
  rack-openid!
  rack-ssl!
  rack-test (~> 0.6.2)
  rack-throttle (~> 0.3.0)
  rails (= 3.2.22.5)
  rails-dev-boost!
  rails_autolink (= 1.1.6)
  rake (~> 10.4.0)
  rate-limiting!
  rbtrace
  recaptcha (= 4.4.1)
  redis (= 3.3.1)
  resque (~> 1.24.0)
  resque-scheduler (= 2.2.0)
  resque-status (= 0.4.1)
  rest-client (= 1.8.0)
  rforce
  riak-client (= 1.4.2)
  riddle (= 1.2.2)
  rinku!
  routing-filter (~> 0.3.1)
  rr (~> 1.1.0)
  rspec (~> 3.0.0)
  rspec-collection_matchers (= 1.0.0)
  rspec-rails (~> 3.0.0)
  rspec_junit_formatter
  rubocop (= 0.52.1)
  rubocop-checkstyle_formatter
  ruby-openid!
  ruby-openid-apps-discovery (= 1.2.0)
  ruby-saml (= 1.7.0)
  rubytree
  rubyzip (= 1.2.2)
  rugged
  rule_engine!
  sanitize (= 4.6.5)
  sass-rails (= 3.2.6)
  sax-machine (~> 0.1.0)
  seed-fu!
  semian!
  sentient_user!
  sharding!
  shoryuken (= 2.0.4)
  sidekiq (= 3.4.2)
  sidekiq-pro!
  simplecov (~> 0.16.1)
  simplecov-csv
  simplecov-rcov
  sneaky-save!
  soap4r-ruby1.9 (~> 2.0.5)
  spork (~> 0.9.0)
  spreadsheet (= 0.6.8)
  sprockets (= 2.2.3)
  ssl_requirement!
  static_model (~> 1.0.4)
  stopwords-filter (= 0.4.1)
  strong_parameters (= 0.2.3)
  susy (= 2.1.3)
  syck (= 1.0.5)
  telephone_number (= 1.1.1)
  test-unit (= 3.1.7)
  test-unit-minitest
  text_data_store!
  therubyracer
  thrift (~> 0.9.2.0)
  time_bandits!
  timecop
  tire!
  tnef (= 1.0.2)
  turbo-sprockets-rails3 (= 0.3.14)
  twilio-ruby!
  twitter (~> 5.16.0)
  typhoeus
  tzinfo (~> 0.3.29)
  uglifier (~> 2.7.2)
  useragent (~> 0.16.3)
  webmock
  webrick (= 1.3.1)
  white_list!
  wicked_pdf (~> 0.9.10)
  will_filter!
  will_paginate (= 3.0.6)
  will_paginate-liquidized!
  wkhtmltopdf-binary!
  xeroizer!
  xml-simple (= 1.1.4)
  xss!
  yard-cucumber
  yui-compressor!
  zip-zip

BUNDLED WITH
   1.16.1
