GIT
  remote: git://github.com/PratheepV/sidekiq.git
  revision: 708125eaa9bd28bc4f9f841ac5f00ad1b8cfb34e
  branch: master
  specs:
    sidekiq (3.0.1)
      celluloid (>= 0.15.2)
      connection_pool (>= 2.0.0)
      json
      redis (>= 3.0.6)
      redis-namespace (>= 1.3.1)

GIT
  remote: git://github.com/Shopify/active_merchant
  revision: 0356c2955e246999fa1b485098172ceaf21ebdea
  tag: v1.7.0
  specs:
    activemerchant (1.7.0)
      activesupport (~> 2.3.2)
      braintree (>= 2.0.0)
      builder (>= 2.0.0)

GIT
  remote: git://github.com/freshdesk/Marketo.git
  revision: 5f53130eb61d751b90e6a7f8b1452b308f15a39a
  specs:
    marketo (0.0.2)
      savon
      savon_model

GIT
  remote: git://github.com/freshdesk/akismetor.git
  revision: 12a4150c3ecc7f00817b5646686f8d3e3ad9653e
  specs:
    akismetor (1.1)

GIT
  remote: git://github.com/freshdesk/cloudfront_asset_host.git
  revision: 9599ba40fc453ab5e69e17b60fa9d3eb5de77877
  specs:
    cloudfront_asset_host (1.1.1)
      right_aws

GIT
  remote: git://github.com/freshdesk/deadlock_retry.git
  revision: 801e84f45aed2ccde10aa085af0aa94f1bf46975
  specs:
    deadlock_retry (1.2.0)

GIT
  remote: git://github.com/freshdesk/large-hadron-migrator.git
  revision: dc9cca3cc2114f6e935447a1a45e69c16338c935
  specs:
    lhm (1.2.0)

GIT
  remote: git://github.com/freshdesk/rate-limiting.git
  revision: d5c5c60d09e3ff1d9881dbea5dc737dbebbd2a6c
  specs:
    rate-limiting (1.0.4)
      json

GIT
  remote: git://github.com/freshdesk/rinku.git
  revision: 67f54898fe7270f96900a3fa9a4dd50b6b351f25
  specs:
    rinku (1.7.2)

GIT
  remote: git://github.com/freshdesk/ruby-openid.git
  revision: 5a55b54e63f9858c0fb4ebddd8aaf0ba3fe1ac52
  specs:
    ruby-openid (2.2.3)

GIT
  remote: git://github.com/freshdesk/ruby-yui-compressor.git
  revision: 271908bbe2197ce167cc59ba79d4ea0dac15df3f
  specs:
    yui-compressor (0.9.6)
      POpen4 (>= 0.1.4)

GIT
  remote: git://github.com/freshdesk/tire.git
  revision: d0a26fe7fca1fa40ba9acf496507eccd50aa77d9
  branch: multi_match
  specs:
    tire (0.4.3)
      hashr (~> 0.0.19)
      multi_json (~> 1.0)
      rake
      rest-client (~> 1.6)

GIT
  remote: git://github.com/jim/carmen.git
  revision: 964e2ceeef601b792c4c99cd30f4667dbade587d
  tag: ruby-18
  specs:
    carmen (1.0.0.beta2)

GIT
  remote: git://github.com/neubloc/white_list.git
  revision: fef96494da6259763ddafd7edbec7e7afe3c2fcd
  specs:
    white_list (0.0.1)

GIT
  remote: git://github.com/stefanpenner/country_select
  revision: b25dc49d4887d79733af5baef6abcbc456fc7e56
  tag: v1.1.2
  specs:
    country_select (1.1.2)

GIT
  remote: git://github.com/thedarkone/rails-dev-boost.git
  revision: 56527076b8379e460f7fd641ffd36eea288e80fc
  branch: rails-2-3
  specs:
    rails-dev-boost (0.1.1)

GIT
  remote: git://github.com/sumakumardey/rack-ssl
  revision: b7a3e736f52b29b5c0512d4a7b6206cf332c2e7e
  branch: ssl
  specs:
    rack-ssl (1.4.1)
      rack

PATH
  remote: vendor/gems/freshdesk_authority-0.1
  specs:
    freshdesk_authority (0.1)

GIT
  remote: git://github.com/sumakumardey/mysql2.git
  revision: b8118e1a066d6759075e3850f7cfa234f64473b6
  branch: mysql_logs
  specs:
    mysql2 (0.2.18)

GEM
  remote: https://rubygems.org/
  specs:
    POpen4 (0.1.4)
      Platform (>= 0.4.0)
      open4
    Platform (0.4.0)
    RedCloth (4.2.9)
    RedCloth (4.2.9-x86-mingw32)
    ZenTest (4.4.1)
    actionmailer (2.3.18)
      actionpack (= 2.3.18)
    actionpack (2.3.18)
      activesupport (= 2.3.18)
      rack (~> 1.1.0)
    active_presenter (1.4.0)
    active_record_shards (2.7.0)
      activerecord (>= 2.3.5, < 3.3)
    activerecord (2.3.18)
      activesupport (= 2.3.18)
    activeresource (2.3.18)
      activesupport (= 2.3.18)
    activesupport (2.3.18)
    acts_as_list (0.1.4)
    addressable (2.3.4)
    after_commit (1.0.11)
      activerecord (>= 1.15.6, < 3.0.0)
    akami (1.2.0)
      gyoku (>= 0.4.0)
      nokogiri (>= 1.4.0)
    amq-protocol (1.9.2)
    ancestry (1.3.0)
      activerecord (>= 2.3.14)
    arel (2.0.7)
    authlogic (2.1.6)
      activesupport
    autoparse (0.3.3)
      addressable (>= 2.3.1)
      extlib (>= 0.9.15)
      multi_json (>= 1.0.0)
    autotest (4.4.6)
      ZenTest (>= 4.4.1)
    autotest-fsevent (0.1.1)
      ZenTest (>= 4.0.0)
      sys-uname (>= 0.8.3)
    autotest-growl (0.2.0)
      autotest (>= 4.2.4)
    autotest-rails (4.1.0)
      ZenTest
    aws-sdk (1.11.3)
      json (~> 1.4)
      nokogiri (< 1.6.0)
      uuidtools (~> 2.1)
    backports (3.6.0)
    beefcake (0.3.7)
    braintree (2.10.0)
      builder
    buftok (0.2.0)
    builder (3.0.0)
    bunny (1.2.1)
      amq-protocol (>= 1.9.2)
    celluloid (0.15.2)
      timers (~> 1.1.0)
    chargebee (1.2.9)
      json_pure (~> 1.5)
      rest-client (~> 1.4)
    chunky_png (1.3.1)
    clockwork (0.4.1)
      tzinfo
    cocaine (0.4.2)
    columnize (0.8.9)
    compass (0.12.6)
      chunky_png (~> 1.2)
      fssm (>= 0.2.7)
      sass (~> 3.2.19)
    compass-rails (1.0.3)
      compass (>= 0.12.2, < 0.14)
    connection_pool (2.0.0)
    css_parser (1.3.5)
      addressable
    curb (0.8.4)
    daemons (1.0.10)
    dalli (2.7.0)
    database_cleaner (1.2.0)
    debugger (1.6.8)
      columnize (>= 0.3.1)
      debugger-linecache (~> 1.2.0)
      debugger-ruby_core_source (~> 1.3.5)
    debugger-linecache (1.2.0)
    debugger-ruby_core_source (1.3.5)
    descendants_tracker (0.0.4)
      thread_safe (~> 0.3, >= 0.3.1)
    encryptor (1.1.3)
    equalizer (0.0.9)
    erubis (2.7.0)
    execjs (2.0.2)
    extlib (0.9.16)
    ey_config (0.0.6)
    factory_girl (1.2.3)
    faker (1.0.1)
      i18n (~> 0.4)
    faraday (0.8.7)
      multipart-post (~> 1.1)
    fastercsv (1.5.4)
    ffi (1.9.0)
    ffi (1.9.0-x86-mingw32)
    fontcustom (1.3.3)
      json (~> 1.4)
      listen (~> 1.0)
      thor (~> 0.14)
    forgery (0.5.0)
    fssm (0.2.9)
    gem_plugin (0.2.3)
    global_phone (1.0.1)
    gnip-rule (0.4.1)
      json (~> 1.8)
      rest-client (~> 1.6.7)
    google-api-client (0.6.4)
      addressable (>= 2.3.2)
      autoparse (>= 0.3.3)
      extlib (>= 0.9.15)
      faraday (~> 0.8.4)
      jwt (>= 0.1.5)
      launchy (>= 2.1.1)
      multi_json (>= 1.0.0)
      signet (~> 0.4.5)
      uuidtools (>= 2.1.0)
    gyoku (1.0.0)
      builder (>= 2.1.2)
    hashie (1.2.0)
    hashr (0.0.22)
    hoe (3.5.2)
      rake (>= 0.8, < 11.0)
    htmlentities (4.3.1)
    http (0.5.1)
      http_parser.rb
    http_accept_language (1.0.1)
    http_parser.rb (0.6.0)
    httparty (0.10.0)
      multi_json (~> 1.0)
      multi_xml
    httpclient (2.2.4)
    httpi (0.9.7)
      rack
    i18n (0.4.2)
    innertube (1.0.2)
    insensitive_hash (0.2.3)
    ipaddress (0.8.0)
    jammit (0.6.5)
      yui-compressor (>= 0.9.3)
    jira4r (0.3.0)
      soap4r
    json (1.8)
    json-compare (0.1.8)
    json_pure (1.8.1)
    jwt (0.1.6)
      multi_json (>= 1.0)
    koala (1.6.0)
      addressable (~> 2.2)
      faraday (~> 0.8)
      multi_json (~> 1.3)
    launchy (2.3.0)
      addressable (~> 2.3)
    libv8 (3.16.14.3)
    listen (1.3.1)
      rb-fsevent (>= 0.9.3)
      rb-inotify (>= 0.9)
      rb-kqueue (>= 0.2)
    lockfile (1.4.3)
    macaddr (1.6.7)
      systemu (~> 2.6.2)
    mail (2.5.4)
      mime-types (~> 1.16)
      treetop (~> 1.4.8)
    map-fields (1.0.0)
      fastercsv (>= 1.2.3)
    memoizable (0.4.2)
      thread_safe (~> 0.3, >= 0.3.1)
    metaclass (0.0.1)
    mime-types (1.16)
    mocha (0.12.10)
      metaclass (~> 0.0.1)
    mongrel (1.2.0.pre2)
      daemons (~> 1.0.10)
      gem_plugin (~> 0.2.3)
    mongrel (1.2.0.pre2-x86-mingw32)
      gem_plugin (~> 0.2.3)
    multi_json (1.3.6)
    multi_xml (0.5.1)
    multipart-post (1.2.0)
    namae (0.8.4)
    newrelic_rpm (3.8.0.218)
    nokogiri (1.5.2)
    nokogiri (1.5.2-x86-mingw32)
    nori (1.1.4)
    oauth (0.4.5)
    oauth2 (0.5.2)
      faraday (~> 0.7)
      multi_json (~> 1.0)
    oily_png (1.1.1)
      chunky_png (~> 1.3.0)
    omniauth (1.0.0)
      hashie (~> 1.2)
      rack
    omniauth-constantcontact2 (1.0.4)
      multi_json (~> 1.0)
      multi_xml
      omniauth (~> 1.0)
      omniauth-oauth2 (~> 1.0)
    omniauth-facebook (1.2.0)
      omniauth-oauth2 (~> 1.0.0)
    omniauth-google (1.0.1)
      multi_json
      omniauth (~> 1.0.0)
      omniauth-oauth
    omniauth-google-oauth2 (0.1.13)
      omniauth (~> 1.0)
      omniauth-oauth2
    omniauth-mailchimp (1.0.3)
    omniauth-oauth (1.0.1)
      oauth
      omniauth (~> 1.0)
    omniauth-oauth2 (1.0.0)
      oauth2 (~> 0.5.0)
      omniauth (~> 1.0)
    omniauth-openid (1.0.1)
      omniauth (~> 1.0)
      rack-openid (~> 1.3.1)
    omniauth-salesforce (1.0.3)
      omniauth (~> 1.0)
      omniauth-oauth2 (~> 1.0)
    omniauth-shopify-oauth2 (1.0.0)
      omniauth-oauth2 (~> 1.0.0)
    omniauth-surveymonkey (1.0.0)
      omniauth (~> 1.0)
      omniauth-oauth2
    open4 (1.3.0)
    paperclip (2.8.0)
      activerecord (>= 2.3.0)
      activesupport (>= 2.3.2)
      cocaine (>= 0.0.2)
      mime-types
    pg (0.17.1)
    polyglot (0.3.3)
    premailer (1.8.0)
      css_parser (>= 1.3.5)
      htmlentities (>= 4.0.0)
    rack (1.1.6)
    rack-openid (1.3.1)
      rack (>= 1.1.0)
      ruby-openid (>= 2.1.8)
    rack-test (0.6.2)
      rack (>= 1.0)
    rack-throttle (0.3.0)
      rack (>= 1.0.0)
    rails (2.3.18)
      actionmailer (= 2.3.18)
      actionpack (= 2.3.18)
      activerecord (= 2.3.18)
      activeresource (= 2.3.18)
      activesupport (= 2.3.18)
      rake (>= 0.8.3)
    rails_xss (0.4.0)
    rake (0.8.7)
    rb-fsevent (0.9.4)
    rb-inotify (0.9.4)
      ffi (>= 0.5.0)
    rb-kqueue (0.2.2)
      ffi (>= 0.5.0)
    redis (3.0.7)
    redis-namespace (1.4.1)
      redis (~> 3.0.4)
    ref (1.0.5)
    resque (1.22.0)
      multi_json (~> 1.0)
      redis-namespace (~> 1.0)
      sinatra (>= 0.9.2)
      vegas (~> 0.1.2)
    resque-scheduler (2.2.0)
      redis (>= 3.0.0)
      resque (>= 1.20.0, < 1.25)
      rufus-scheduler (~> 2.0)
    resque-status (0.4.1)
      resque (~> 1.19)
    rest-client (1.6.7)
      mime-types (>= 1.16)
    rforce (0.8.1)
      builder (~> 3.0)
      oauth (~> 0.4)
    riak-client (1.4.2)
      beefcake (~> 0.3.7)
      builder (>= 2.1.2)
      i18n (>= 0.4.0)
      innertube (~> 1.0.2)
      multi_json (~> 1.0)
    riddle (1.2.2)
    right_aws (3.0.5)
      right_http_connection (>= 1.2.5)
    right_http_connection (1.3.0)
    routing-filter (0.3.1)
      actionpack
    rr (1.1.1)
    rspec (1.3.1)
    rspec-rails (1.3.3)
      rack (>= 1.0.0)
      rspec (= 1.3.1)
    ruby-ole (1.2.11.3)
    ruby-openid-apps-discovery (1.2.0)
      ruby-openid (>= 2.1.7)
    ruby-saml (0.8.1)
      nokogiri (>= 1.5.0)
      uuid (~> 2.3)
    rubytree (0.8.2)
    rubyzip (0.9.4)
    rufus-scheduler (2.0.24)
      tzinfo (>= 0.3.22)
    sanitize (2.0.3)
      nokogiri (>= 1.4.4, < 1.6)
    sass (3.2.19)
    savon (0.9.7)
      akami (~> 1.0)
      builder (>= 2.1.2)
      gyoku (>= 0.4.0)
      httpi (~> 0.9)
      nokogiri (>= 1.4.0)
      nori (~> 1.0)
      wasabi (~> 2.0)
    savon_model (1.2.0)
      httpi (>= 0.7.8)
      savon (>= 0.8.2, < 0.9.8)
    sax-machine (0.1.0)
      nokogiri (> 0.0.0)
    signet (0.4.5)
      addressable (>= 2.2.3)
      faraday (~> 0.8.1)
      jwt (>= 0.1.5)
      multi_json (>= 1.0.0)
    simple_oauth (0.2.0)
    simplecov (0.7.1)
      multi_json (~> 1.0)
      simplecov-html (~> 0.7.1)
    simplecov-csv (0.1.3)
      simplecov
    simplecov-html (0.7.1)
    sinatra (1.2.9)
      backports
      rack (~> 1.1, < 1.5)
      tilt (>= 1.2.2, < 2.0)
    soap4r (1.5.8)
      httpclient (>= 2.1.1)
    soap4r-ruby1.9 (2.0.5)
    spork (0.8.5)
    spreadsheet (0.6.8)
      ruby-ole (>= 1.0)
    static_model (1.0.4)
    susy (1.0.9)
      compass (>= 0.12.2)
      sass (>= 3.2.0)
    sys-uname (0.9.2)
      ffi (>= 1.0.0)
    sys-uname (0.9.2-x86-mingw32)
    systemu (2.6.4)
    test-unit (1.2.3)
      hoe (>= 1.5.1)
    therubyracer (0.12.0)
      libv8 (~> 3.16.14.0)
      ref
    thor (0.19.1)
    thread_safe (0.3.4)
    tilt (1.4.1)
    timers (1.1.0)
    treetop (1.4.15)
      polyglot
      polyglot (>= 0.3.1)
    twilio-ruby (3.9.0)
      builder (>= 2.1.2)
      jwt (>= 0.1.2)
      multi_json (>= 1.3.0)
    twitter (5.5.1)
      addressable (~> 2.3)
      buftok (~> 0.2.0)
      descendants_tracker (~> 0.0.3)
      equalizer (~> 0.0.9)
      faraday (>= 0.8, < 0.10)
      http (~> 0.5.0)
      http_parser.rb (~> 0.6.0)
      json (~> 1.8)
      memoizable (~> 0.4.0)
      simple_oauth (~> 0.2.0)
    tzinfo (0.3.26)
    uglifier (2.1.2)
      execjs (>= 0.3.0)
      multi_json (~> 1.0, >= 1.0.2)
    useragent (0.4.16)
    uuid (2.3.7)
      macaddr (~> 1.0)
    uuidtools (2.1.4)
    vegas (0.1.11)
      rack (>= 1.0.0)
    wasabi (2.3.0)
      nokogiri (>= 1.4.0)
    wicked_pdf (0.9.2)
      rails
    will_paginate (2.3.16)
    wkhtmltopdf-binary (0.9.9.1)
    xml-simple (1.1.2)

PLATFORMS
  ruby
  x86-mingw32

DEPENDENCIES
  RedCloth (= 4.2.9)
  ZenTest (= 4.4.1)
  active_presenter (= 1.4.0)
  active_record_shards (= 2.7.0)
  activemerchant!
  acts_as_list (= 0.1.4)
  after_commit (= 1.0.11)
  akismetor!
  ancestry (= 1.3)
  arel (= 2.0.7)
  authlogic (= 2.1.6)
  autotest-fsevent (= 0.1.1)
  autotest-growl (= 0.2.0)
  autotest-rails (= 4.1.0)
  aws-sdk (~> 1.11.3)
  braintree (= 2.10.0)
  bunny (= 1.2.1)
  carmen!
  chargebee (~> 1.2.9)
  clockwork (= 0.4.1)
  cloudfront_asset_host!
  compass-rails (= 1.0.3)
  country_select!
  curb (~> 0.8.4)
  dalli
  database_cleaner
  deadlock_retry!
  debugger (~> 1.6.8)
  encryptor (= 1.1.3)
  erubis (= 2.7.0)
  ey_config
  factory_girl (= 1.2.3)
  faker (~> 1.0.1)
  faraday (= 0.8.7)
  fontcustom (= 1.3.3)
  forgery (= 0.5.0)
  freshdesk_authority!
  global_phone
  gnip-rule (= 0.4.1)
  google-api-client (~> 0.6.3)
  http_accept_language (= 1.0.1)
  httparty (= 0.10.0)
  i18n (= 0.4.2)
  insensitive_hash (= 0.2.3)
  ipaddress (= 0.8.0)
  jammit (= 0.6.5)
  jira4r (= 0.3.0)
  json (~> 1.8)
  json-compare (= 0.1.8)
  koala (~> 1.6.0)
  lhm!
  lockfile (= 1.4.3)
  mail
  map-fields (= 1.0.0)
  marketo!
  mocha (~> 0.12.8)
  mongrel (>= 1.2.0.pre2)
  mysql2!
  namae (= 0.8.4)
  newrelic_rpm (= 3.8.0.218)
  nori (= 1.1.4)
  oily_png (= 1.1.1)
  omniauth (= 1.0)
  omniauth-constantcontact2 (~> 1.0.4)
  omniauth-facebook
  omniauth-google
  omniauth-google-oauth2
  omniauth-mailchimp (~> 1.0.3)
  omniauth-oauth
  omniauth-oauth2 (= 1.0)
  omniauth-openid
  omniauth-salesforce
  omniauth-shopify-oauth2 (= 1.0.0)
  omniauth-surveymonkey (= 1.0.0)
  paperclip (~> 2.8.0)
  pg
  premailer (~> 1.8.0)
  rack (~> 1.1.6)
  rack-test (~> 0.6.2)
  rack-throttle (~> 0.3.0)
  rails (= 2.3.18)
  rails-dev-boost!
  rails_xss (= 0.4.0)
  rake (= 0.8.7)
  rate-limiting!
  redis (= 3.0.7)
  resque (= 1.22.0)
  resque-scheduler
  resque-status (= 0.4.1)
  rforce
  riak-client (= 1.4.2)
  riddle (= 1.2.2)
  rinku!
  routing-filter (~> 0.3.1)
  rr (= 1.1.1)
  rspec (= 1.3.1)
  rspec-rails (= 1.3.3)
  ruby-openid!
  ruby-openid-apps-discovery (= 1.2.0)
  ruby-saml (= 0.8.1)
  rubytree
  rubyzip (= 0.9.4)
  sanitize (= 2.0.3)
  sass (= 3.2.19)
  sax-machine (~> 0.1.0)
  sidekiq!
  simplecov (~> 0.7.1)
  simplecov-csv
  soap4r-ruby1.9 (~> 2.0.5)
  spork (~> 0.8.0)
  spreadsheet (= 0.6.8)
  static_model (~> 1.0.4)
  susy (= 1.0.9)
  test-unit (= 1.2.3)
  therubyracer
  tire!
  twilio-ruby
  twitter (~> 5.5.1)
  tzinfo
  uglifier (~> 2.1.2)
  useragent (~> 0.4.16)
  white_list!
  wicked_pdf (~> 0.9.2)
  will_paginate (~> 2.3.16)
  wkhtmltopdf-binary (~> 0.9.9.1)
  xml-simple (~> 1.1.2)
  yui-compressor!
