GIT
  remote: git://github.com/arvinthj/tire.git
  revision: ed645b2c1ac381805d73365e9409014d63d348f5
  specs:
    tire (0.4.3)
      hashr (~> 0.0.19)
      multi_json (~> 1.0)
      rake
      rest-client (~> 1.6)

GIT
  remote: git://github.com/freshdesk/Marketo.git
  revision: 5f53130eb61d751b90e6a7f8b1452b308f15a39a
  specs:
    marketo (0.0.2)
      savon
      savon_model

GIT
  remote: git://github.com/freshdesk/akismetor.git
  revision: 12a4150c3ecc7f00817b5646686f8d3e3ad9653e
  specs:
    akismetor (1.1)

GIT
  remote: git://github.com/freshdesk/cloudfront_asset_host.git
  revision: 9599ba40fc453ab5e69e17b60fa9d3eb5de77877
  specs:
    cloudfront_asset_host (1.1.1)
      right_aws

GIT
  remote: git://github.com/freshdesk/deadlock_retry.git
  revision: 801e84f45aed2ccde10aa085af0aa94f1bf46975
  specs:
    deadlock_retry (1.2.0)

GIT
  remote: git://github.com/freshdesk/large-hadron-migrator.git
  revision: db709098dc91d999d1f75fa90e98de0d836aa788
  specs:
    lhm (1.2.0)

GIT
  remote: git://github.com/freshdesk/rate-limiting.git
  revision: 49aaf10e91aac0260ccb44ea119bf5a609ec3cf3
  specs:
    rate-limiting (1.0.4)
      json

GIT
  remote: git://github.com/freshdesk/rinku.git
  revision: 67f54898fe7270f96900a3fa9a4dd50b6b351f25
  specs:
    rinku (1.7.2)

GIT
  remote: git://github.com/freshdesk/ruby-openid.git
  revision: 5a55b54e63f9858c0fb4ebddd8aaf0ba3fe1ac52
  specs:
    ruby-openid (2.2.3)

GIT
  remote: git://github.com/freshdesk/ruby-yui-compressor.git
  revision: 8e1d110528c986cb5cd13487bded7a7449bdcd2e
  specs:
    yui-compressor (0.9.6)
      POpen4 (>= 0.1.4)

GIT
  remote: git://github.com/jim/carmen.git
  revision: 964e2ceeef601b792c4c99cd30f4667dbade587d
  tag: ruby-18
  specs:
    carmen (1.0.0.beta2)

PATH
  remote: vendor/gems/freshdesk_authority-0.1
  specs:
    freshdesk_authority (0.1)

GEM
  remote: http://rubygems.org/
  specs:
    POpen4 (0.1.4)
      Platform (>= 0.4.0)
      open4
    Platform (0.4.0)
    RedCloth (4.2.9)
    RedCloth (4.2.9-x86-mingw32)
    ZenTest (4.4.1)
    actionmailer (2.3.18)
      actionpack (= 2.3.18)
    actionpack (2.3.18)
      activesupport (= 2.3.18)
      rack (~> 1.1.0)
    active_presenter (1.4.0)
    active_record_shards (2.7.0)
      activerecord (>= 2.3.5, < 3.3)
    activerecord (2.3.18)
      activesupport (= 2.3.18)
    activeresource (2.3.18)
      activesupport (= 2.3.18)
    activesupport (2.3.18)
    addressable (2.3.4)
    after_commit (1.0.11)
      activerecord (>= 1.15.6, < 3.0.0)
    akami (1.2.0)
      gyoku (>= 0.4.0)
      nokogiri (>= 1.4.0)
    ancestry (1.3.0)
      activerecord (>= 2.3.14)
    arel (2.0.7)
    authlogic (2.1.6)
      activesupport
    autoparse (0.3.3)
      addressable (>= 2.3.1)
      extlib (>= 0.9.15)
      multi_json (>= 1.0.0)
    autotest (4.4.6)
      ZenTest (>= 4.4.1)
    autotest-fsevent (0.1.1)
      ZenTest (>= 4.0.0)
      sys-uname (>= 0.8.3)
    autotest-growl (0.2.0)
      autotest (>= 4.2.4)
    autotest-rails (4.1.0)
      ZenTest
    aws-sdk (1.11.3)
      json (~> 1.4)
      nokogiri (< 1.6.0)
      uuidtools (~> 2.1)
    backports (3.6.0)
    beefcake (0.3.7)
    braintree (2.10.0)
      builder
    builder (3.0.0)
    canonix (0.1.1)
    chargebee (1.2.9)
      json_pure (~> 1.5)
      rest-client (~> 1.4)
    chunky_png (1.2.6)
    clockwork (0.4.1)
      tzinfo
    cocaine (0.4.2)
    columnize (0.3.6)
    compass (0.12.2)
      chunky_png (~> 1.2)
      fssm (>= 0.2.7)
      sass (~> 3.1)
    compass-rails (1.0.3)
      compass (>= 0.12.2, < 0.14)
    css_parser (1.3.5)
      addressable
    curb (0.8.4)
    daemons (1.0.10)
    dalli (2.7.0)
    debugger (1.6.6)
      columnize (>= 0.3.1)
      debugger-linecache (~> 1.2.0)
      debugger-ruby_core_source (~> 1.3.2)
    debugger-linecache (1.2.0)
    debugger-ruby_core_source (1.3.2)
    delayed_job (1.8.4)
    encryptor (1.1.3)
    erubis (2.7.0)
    execjs (2.0.2)
    extlib (0.9.16)
    ey_config (0.0.6)
    factory_girl (1.2.3)
    faker (1.0.1)
      i18n (~> 0.4)
    faraday (0.8.7)
      multipart-post (~> 1.1)
    fastercsv (1.5.4)
    ffi (1.9.0)
    forgery (0.5.0)
    fssm (0.2.9)
    gem_plugin (0.2.3)
    global_phone (1.0.1)
    gnip-rule (0.4.0)
      json (~> 1.7.7)
      rest-client (~> 1.6.7)
    google-api-client (0.6.4)
      addressable (>= 2.3.2)
      autoparse (>= 0.3.3)
      extlib (>= 0.9.15)
      faraday (~> 0.8.4)
      jwt (>= 0.1.5)
      launchy (>= 2.1.1)
      multi_json (>= 1.0.0)
      signet (~> 0.4.5)
      uuidtools (>= 2.1.0)
    gyoku (1.0.0)
      builder (>= 2.1.2)
    hashie (1.2.0)
    hashr (0.0.22)
    hoe (3.5.2)
      rake (>= 0.8, < 11.0)
    htmlentities (4.3.1)
    http_accept_language (1.0.1)
    httparty (0.10.0)
      multi_json (~> 1.0)
      multi_xml
    httpclient (2.2.4)
    httpi (0.9.7)
      rack
    i18n (0.4.2)
    innertube (1.0.2)
    insensitive_hash (0.2.3)
    ipaddress (0.8.0)
    jammit (0.6.5)
      yui-compressor (>= 0.9.3)
    jira4r (0.3.0)
      soap4r
    json (1.7.7)
    json_pure (1.8.1)
    jwt (0.1.6)
      multi_json (>= 1.0)
    koala (1.6.0)
      addressable (~> 2.2)
      faraday (~> 0.8)
      multi_json (~> 1.3)
    launchy (2.3.0)
      addressable (~> 2.3)
    libv8 (3.16.14.3)
    lockfile (1.4.3)
    macaddr (1.6.1)
      systemu (~> 2.5.0)
    mail (2.5.4)
      mime-types (~> 1.16)
      treetop (~> 1.4.8)
    map-fields (1.0.0)
      fastercsv (>= 1.2.3)
    metaclass (0.0.1)
    mime-types (1.16)
    mocha (0.12.10)
      metaclass (~> 0.0.1)
    mongrel (1.2.0.pre2)
      daemons (~> 1.0.10)
      gem_plugin (~> 0.2.3)
    mongrel (1.2.0.pre2-x86-mingw32)
      gem_plugin (~> 0.2.3)
    multi_json (1.3.6)
    multi_xml (0.5.1)
    multipart-post (1.2.0)
    mysql2 (0.2.18)
    mysql2 (0.2.18-x86-mingw32)
    newrelic_rpm (3.5.8.72)
    nokogiri (1.5.2)
    nokogiri (1.5.2-x86-mingw32)
    nori (1.1.4)
    oauth (0.4.5)
    oauth2 (0.5.2)
      faraday (~> 0.7)
    oily_png (1.0.3)
      chunky_png (~> 1.2.1)
    omniauth (1.0.0)
      hashie (~> 1.2)
      rack
    omniauth-constantcontact2 (1.0.4)
      multi_json (~> 1.0)
      multi_xml
      omniauth (~> 1.0)
      omniauth-oauth2 (~> 1.0)
    omniauth-facebook (1.2.0)
      omniauth-oauth2 (~> 1.0.0)
    omniauth-google (1.0.1)
      multi_json
      omniauth (~> 1.0.0)
      omniauth-oauth
    omniauth-google-oauth2 (0.1.13)
      omniauth (~> 1.0)
      omniauth-oauth2
    omniauth-mailchimp (1.0.3)
    omniauth-oauth (1.0.1)
      oauth
      omniauth (~> 1.0)
    omniauth-oauth2 (1.0.0)
      oauth2 (~> 0.5.0)
      omniauth (~> 1.0)
    omniauth-openid (1.0.1)
      omniauth (~> 1.0)
      rack-openid (~> 1.3.1)
    omniauth-salesforce (1.0.3)
      omniauth (~> 1.0)
      omniauth-oauth2 (~> 1.0)
    omniauth-surveymonkey (1.0.0)
      omniauth (~> 1.0)
      omniauth-oauth2
    open4 (1.3.0)
    paperclip (2.8.0)
      activerecord (>= 2.3.0)
      activesupport (>= 2.3.2)
      cocaine (>= 0.0.2)
      mime-types
    people (0.2.1)
    pg (0.14.1)
    pg (0.14.1-x86-mingw32)
    polyglot (0.3.3)
    premailer (1.8.0)
      css_parser (>= 1.3.5)
      htmlentities (>= 4.0.0)
    rack (1.1.6)
    rack-openid (1.3.1)
      rack (>= 1.1.0)
      ruby-openid (>= 2.1.8)
    rack-throttle (0.3.0)
      rack (>= 1.0.0)
    rails (2.3.18)
      actionmailer (= 2.3.18)
      actionpack (= 2.3.18)
      activerecord (= 2.3.18)
      activeresource (= 2.3.18)
      activesupport (= 2.3.18)
      rake (>= 0.8.3)
    rails_xss (0.4.0)
    rake (0.8.7)
    redis (3.0.7)
    redis-namespace (1.4.1)
      redis (~> 3.0.4)
    ref (1.0.5)
    resque (1.22.0)
      multi_json (~> 1.0)
      redis-namespace (~> 1.0)
      sinatra (>= 0.9.2)
      vegas (~> 0.1.2)
    resque-scheduler (2.2.0)
      redis (>= 3.0.0)
      resque (>= 1.20.0, < 1.25)
      rufus-scheduler (~> 2.0)
    resque-status (0.4.1)
      resque (~> 1.19)
    rest-client (1.6.7)
      mime-types (>= 1.16)
    rforce (0.8.1)
      builder (~> 3.0)
      oauth (~> 0.4)
    riak-client (1.4.2)
      beefcake (~> 0.3.7)
      builder (>= 2.1.2)
      i18n (>= 0.4.0)
      innertube (~> 1.0.2)
      multi_json (~> 1.0)
    riddle (1.2.2)
    right_aws (3.0.5)
      right_http_connection (>= 1.2.5)
    right_http_connection (1.3.0)
    routing-filter (0.3.1)
      actionpack
    rr (1.1.1)
    rspec (1.3.1)
    rspec-rails (1.3.3)
      rack (>= 1.0.0)
      rspec (= 1.3.1)
    ruby-ole (1.2.11.3)
    ruby-openid-apps-discovery (1.2.0)
      ruby-openid (>= 2.1.7)
    ruby-saml (0.7.2)
      canonix (= 0.1.1)
      nokogiri
      uuid (~> 2.3)
    rubytree (0.8.2)
    rubyzip (0.9.4)
    rufus-scheduler (2.0.24)
      tzinfo (>= 0.3.22)
    sanitize (2.0.3)
      nokogiri (>= 1.4.4, < 1.6)
    sass (3.2.1)
    savon (0.9.7)
      akami (~> 1.0)
      builder (>= 2.1.2)
      gyoku (>= 0.4.0)
      httpi (~> 0.9)
      nokogiri (>= 1.4.0)
      nori (~> 1.0)
      wasabi (~> 2.0)
    savon_model (1.2.0)
      httpi (>= 0.7.8)
      savon (>= 0.8.2, < 0.9.8)
    sax-machine (0.1.0)
      nokogiri (> 0.0.0)
    signet (0.4.5)
      addressable (>= 2.2.3)
      faraday (~> 0.8.1)
      jwt (>= 0.1.5)
      multi_json (>= 1.0.0)
    simple_oauth (0.2.0)
    simplecov (0.7.1)
      multi_json (~> 1.0)
      simplecov-html (~> 0.7.1)
    simplecov-html (0.7.1)
    sinatra (1.2.9)
      backports
      rack (~> 1.1, < 1.5)
      tilt (>= 1.2.2, < 2.0)
    soap4r (1.5.8)
      httpclient (>= 2.1.1)
    soap4r-ruby1.9 (2.0.5)
    spork (0.8.5)
    spreadsheet (0.6.8)
      ruby-ole (>= 1.0)
    static_model (1.0.4)
    susy (1.0.5)
      compass (>= 0.12.2)
      sass (>= 3.2.0)
    sys-uname (0.9.2)
      ffi (>= 1.0.0)
    sys-uname (0.9.2-x86-mingw32)
    systemu (2.5.2)
    test-unit (1.2.3)
      hoe (>= 1.5.1)
    therubyracer (0.12.0)
      libv8 (~> 3.16.14.0)
      ref
    tilt (1.4.1)
    treetop (1.4.15)
      polyglot
      polyglot (>= 0.3.1)
    twilio-ruby (3.9.0)
      builder (>= 2.1.2)
      jwt (>= 0.1.2)
      multi_json (>= 1.3.0)
    twitter (4.6.2)
      faraday (~> 0.8, < 0.10)
      multi_json (~> 1.0)
      simple_oauth (~> 0.2)
    tzinfo (0.3.26)
    uglifier (2.1.2)
      execjs (>= 0.3.0)
      multi_json (~> 1.0, >= 1.0.2)
    useragent (0.4.16)
    uuid (2.3.7)
      macaddr (~> 1.0)
    uuidtools (2.1.4)
    vegas (0.1.11)
      rack (>= 1.0.0)
    wasabi (2.3.0)
      nokogiri (>= 1.4.0)
    wicked_pdf (0.9.2)
      rails
    wkhtmltopdf-binary (0.9.9.1)
    xml-simple (1.1.2)

PLATFORMS
  ruby
  x86-mingw32

DEPENDENCIES
  RedCloth (= 4.2.9)
  ZenTest (= 4.4.1)
  active_presenter (= 1.4.0)
  active_record_shards (= 2.7.0)
  after_commit (= 1.0.11)
  akismetor!
  ancestry (= 1.3)
  arel (= 2.0.7)
  authlogic (= 2.1.6)
  autotest-fsevent (= 0.1.1)
  autotest-growl (= 0.2.0)
  autotest-rails (= 4.1.0)
  aws-sdk (~> 1.11.3)
  braintree (= 2.10.0)
  carmen!
  chargebee (~> 1.2.9)
  clockwork (= 0.4.1)
  cloudfront_asset_host!
  compass-rails (= 1.0.3)
  curb (~> 0.8.4)
  dalli
  deadlock_retry!
  debugger (= 1.6.6)
  delayed_job (= 1.8.4)
  encryptor (= 1.1.3)
  erubis (= 2.7.0)
  ey_config
  factory_girl (= 1.2.3)
  faker (~> 1.0.1)
  faraday (= 0.8.7)
  forgery (= 0.5.0)
  freshdesk_authority!
  global_phone
  gnip-rule (~> 0.4.0)
  google-api-client (~> 0.6.3)
  http_accept_language (= 1.0.1)
  httparty (= 0.10.0)
  i18n (= 0.4.2)
  insensitive_hash (= 0.2.3)
  ipaddress (= 0.8.0)
  jammit (= 0.6.5)
  jira4r (= 0.3.0)
  json (~> 1.7.7)
  koala (~> 1.6.0)
  lhm!
  lockfile (= 1.4.3)
  mail
  map-fields (= 1.0.0)
  marketo!
  mocha (~> 0.12.8)
  mongrel (>= 1.2.0.pre2)
  mysql2 (~> 0.2.7)
  newrelic_rpm (= 3.5.8.72)
  nori (= 1.1.4)
  oily_png
  omniauth (= 1.0)
  omniauth-constantcontact2 (~> 1.0.4)
  omniauth-facebook
  omniauth-google
  omniauth-google-oauth2
  omniauth-mailchimp (~> 1.0.3)
  omniauth-oauth
  omniauth-oauth2 (= 1.0)
  omniauth-openid
  omniauth-salesforce
  omniauth-surveymonkey (= 1.0.0)
  paperclip (~> 2.8.0)
  people (= 0.2.1)
  pg
  premailer (~> 1.8.0)
  rack (~> 1.1.6)
  rack-throttle (~> 0.3.0)
  rails (= 2.3.18)
  rails_xss (= 0.4.0)
  rake (= 0.8.7)
  rate-limiting!
  redis (= 3.0.7)
  resque (= 1.22.0)
  resque-scheduler
  resque-status (= 0.4.1)
  rforce
  riak-client (= 1.4.2)
  riddle (= 1.2.2)
  rinku!
  routing-filter (~> 0.3.1)
  rr (= 1.1.1)
  rspec (= 1.3.1)
  rspec-rails (= 1.3.3)
  ruby-openid!
  ruby-openid-apps-discovery (= 1.2.0)
  ruby-saml (= 0.7.2)
  rubytree
  rubyzip (= 0.9.4)
  sanitize (= 2.0.3)
  sass (= 3.2.1)
  sax-machine (~> 0.1.0)
  simplecov (~> 0.7.1)
  soap4r-ruby1.9 (~> 2.0.5)
  spork (~> 0.8.0)
  spreadsheet (= 0.6.8)
  static_model (~> 1.0.4)
  susy
  test-unit (= 1.2.3)
  therubyracer
  tire!
  twilio-ruby
  twitter (~> 4.6.2)
  tzinfo
  uglifier (~> 2.1.2)
  useragent (~> 0.4.16)
  wicked_pdf (~> 0.9.2)
  wkhtmltopdf-binary (~> 0.9.9.1)
  xml-simple (~> 1.1.2)
  yui-compressor!
