GEM
  remote: http://rubygems.org/
  specs:
    RedCloth (4.2.3)
    actionmailer (2.3.8)
      actionpack (= 2.3.8)
    actionpack (2.3.8)
      activesupport (= 2.3.8)
      rack (~> 1.1.0)
    activerecord (2.3.8)
      activesupport (= 2.3.8)
    activeresource (2.3.8)
      activesupport (= 2.3.8)
    activesupport (2.3.8)
    after_commit (1.0.8)
      activerecord (< 3.0.0)
    arel (2.0.7)
    authlogic (2.1.6)
      activesupport
    aws-s3 (0.6.2)
      builder
      mime-types
      xml-simple
    builder (3.0.0)
    columnize (0.3.2)
    delayed_job (1.8.4)
    fastercsv (1.5.4)
    http_accept_language (1.0.1)
    i18n (0.4.2)
    linecache (0.43)
    map-fields (1.0.0)
      fastercsv (>= 1.2.3)
    mime-types (1.16)
    mysql (2.8.1)
    net-dns (0.6.1)
    rack (1.1.2)
    rack-openid (1.2.0)
      rack (>= 1.1.0)
      ruby-openid (>= 2.1.8)
    rails (2.3.8)
      actionmailer (= 2.3.8)
      actionpack (= 2.3.8)
      activerecord (= 2.3.8)
      activeresource (= 2.3.8)
      activesupport (= 2.3.8)
      rake (>= 0.8.3)
    rake (0.8.7)
    riddle (1.2.2)
    ruby-debug (0.10.3)
      columnize (>= 0.1)
      ruby-debug-base (~> 0.10.3.0)
    ruby-debug-base (0.10.3)
      linecache (>= 0.3)
    ruby-openid (2.1.8)
    ruby-openid-apps-discovery (1.2.0)
      ruby-openid (>= 2.1.7)
    rufus-scheduler (2.0.8)
      tzinfo (>= 0.3.23)
    searchlogic (2.4.27)
      activerecord (>= 2.0.0)
    thinking-sphinx (1.4.3)
      activerecord (>= 1.15.6, < 3.0.0)
      after_commit (>= 1.0.7)
      riddle (>= 1.2.2)
    ts-delayed-delta (1.1.0)
      delayed_job (>= 1.8.4)
      thinking-sphinx (>= 1.3.6)
    tzinfo (0.3.25)
    xml-simple (1.0.14)

PLATFORMS
  ruby

DEPENDENCIES
  RedCloth (= 4.2.3)
  arel (= 2.0.7)
  authlogic (= 2.1.6)
  aws-s3 (= 0.6.2)
  delayed_job (= 1.8.4)
  http_accept_language (= 1.0.1)
  i18n (= 0.4.2)
  map-fields (= 1.0.0)
  mysql
  net-dns (= 0.6.1)
  rack-openid (= 1.2.0)
  rails (= 2.3.8)
  rake (= 0.8.7)
  ruby-debug (= 0.10.3)
  ruby-openid (= 2.1.8)
  ruby-openid-apps-discovery (= 1.2.0)
  rufus-scheduler
  searchlogic (= 2.4.27)
  thinking-sphinx (= 1.4.3)
  ts-delayed-delta (= 1.1.0)
  tzinfo
