GIT
  remote: git://github.com/bucharestdev/active_record_shards.git
  revision: e0a05e299a3de5645dd150b114d6f43ef218a9d3
  branch: 2_7_stable
  specs:
    active_record_shards (2.7.0)
      activerecord (>= 2.3.5, < 3.3)

GIT
  remote: git://github.com/freshdesk/Marketo.git
  revision: 4a0c19bd7ce53408e1dea25e5024d37f97f639be
  specs:
    marketo (0.0.2)
      savon
      savon_model

GIT
  remote: git://github.com/freshdesk/deadlock_retry.git
  revision: 801e84f45aed2ccde10aa085af0aa94f1bf46975
  specs:
    deadlock_retry (1.2.0)

GIT
  remote: git://github.com/freshdesk/large-hadron-migrator.git
  revision: 0e646a1bfda99dc7fe0d6ba95600fc7afedf1bed
  specs:
    lhm (1.2.0)

GIT
  remote: git://github.com/freshdesk/rinku.git
  revision: 67f54898fe7270f96900a3fa9a4dd50b6b351f25
  specs:
    rinku (1.7.2)

GIT
  remote: git://github.com/freshdesk/ruby-yui-compressor.git
  revision: 8e1d110528c986cb5cd13487bded7a7449bdcd2e
  specs:
    yui-compressor (0.9.6)
      POpen4 (>= 0.1.4)

GIT
  remote: git://github.com/freshdesk/tire.git
  revision: 8c323dc3ea6245c71cdbc9cbf9c560f571050496
  specs:
    tire (0.4.3)
      hashr (~> 0.0.19)
      multi_json (~> 1.0)
      rake
      rest-client (~> 1.6)

PATH
  remote: vendor/gems/twitter-2.1.1
  specs:
    twitter (2.1.1)
      activesupport (~> 2.3.8)
      faraday (~> 0.7)
      multi_json (~> 1.0)
      simple_oauth (~> 0.1)

GEM
  remote: http://rubygems.org/
  remote: http://gems.github.com/
  specs:
    POpen4 (0.1.4)
      Platform (>= 0.4.0)
      open4
    Platform (0.4.0)
    RedCloth (4.2.3)
    SystemTimer (1.2.3)
    actionmailer (2.3.18)
      actionpack (= 2.3.18)
    actionpack (2.3.18)
      activesupport (= 2.3.18)
      rack (~> 1.1.0)
    activerecord (2.3.18)
      activesupport (= 2.3.18)
    activeresource (2.3.18)
      activesupport (= 2.3.18)
    activesupport (2.3.18)
    addressable (2.2.7)
    after_commit (1.0.11)
      activerecord (>= 1.15.6, < 3.0.0)
    akami (1.2.0)
      gyoku (>= 0.4.0)
      nokogiri (>= 1.4.0)
    arel (2.0.7)
    authlogic (2.1.6)
      activesupport
    aws-s3 (0.6.2)
      builder
      mime-types
      xml-simple
    braintree (2.10.0)
      builder
    builder (3.0.0)
    cgi_multipart_eof_fix (2.5.0)
    chardet (0.9.0)
    chargebee (1.1.1)
      json_pure (~> 1.5)
      rest-client (~> 1.4)
    chunky_png (1.2.6)
    columnize (0.3.2)
    compass (0.12.2)
      chunky_png (~> 1.2)
      fssm (>= 0.2.7)
      sass (~> 3.1)
    compass-rails (1.0.3)
      compass (>= 0.12.2, < 0.14)
    daemons (1.1.8)
    delayed_job (1.8.4)
    factory_girl (1.2.3)
    faraday (0.7.6)
      addressable (~> 2.2)
      multipart-post (~> 1.1)
      rack (~> 1.1)
    fastercsv (1.5.4)
    fastthread (1.0.7)
    forgery (0.5.0)
    fssm (0.2.9)
    gem_plugin (0.2.3)
    gyoku (0.4.6)
      builder (>= 2.1.2)
    hashie (1.2.0)
    hashr (0.0.22)
    hoe (3.5.2)
      rake (>= 0.8, < 11.0)
    html5 (0.10.0)
      chardet (>= 0.9.0)
      hoe (>= 1.2.0)
    http_accept_language (1.0.1)
    httparty (0.10.0)
      multi_json (~> 1.0)
      multi_xml
    httpclient (2.2.4)
    httpi (0.9.7)
      rack
    i18n (0.4.2)
    insensitive_hash (0.2.3)
    jammit (0.6.5)
      yui-compressor (>= 0.9.3)
    jira4r (0.3.0)
      soap4r
    json (1.5.5)
    json_pure (1.7.5)
    koala (1.0.0)
      json (~> 1.0)
      multipart-post (~> 1.0)
    linecache (0.43)
    lockfile (1.4.3)
    map-fields (1.0.0)
      fastercsv (>= 1.2.3)
    memcache-client (1.8.5)
    metaclass (0.0.1)
    mime-types (1.16)
    mocha (0.13.3)
      metaclass (~> 0.0.1)
    mongrel (1.1.5)
      cgi_multipart_eof_fix (>= 2.4)
      daemons (>= 1.0.3)
      fastthread (>= 1.0.1)
      gem_plugin (>= 0.2.3)
    mongrel (1.1.5-x86-mingw32)
      cgi_multipart_eof_fix (>= 2.4)
      gem_plugin (>= 0.2.3)
    multi_json (1.3.6)
    multi_xml (0.5.1)
    multipart-post (1.1.2)
    mysql (2.8.1)
    mysql (2.8.1-x86-mingw32)
    net-dns (0.6.1)
    newrelic_rpm (3.5.3.25)
    nokogiri (1.4.4)
    nokogiri (1.4.4-x86-mingw32)
    nori (1.1.4)
    oauth (0.4.5)
    oauth2 (0.5.2)
      faraday (~> 0.7)
      multi_json (~> 1.0)
    oily_png (1.0.3)
      chunky_png (~> 1.2.1)
    omniauth (1.0.0)
      hashie (~> 1.2)
      rack
    omniauth-constantcontact2 (1.0.4)
      multi_json (~> 1.0)
      multi_xml
      omniauth (~> 1.0)
      omniauth-oauth2 (~> 1.0)
    omniauth-facebook (1.2.0)
      omniauth-oauth2 (~> 1.0.0)
    omniauth-google (1.0.1)
      multi_json
      omniauth (~> 1.0.0)
      omniauth-oauth
    omniauth-google-oauth2 (0.1.13)
      omniauth (~> 1.0)
      omniauth-oauth2
    omniauth-mailchimp (1.0.3)
    omniauth-oauth (1.0.1)
      oauth
      omniauth (~> 1.0)
    omniauth-oauth2 (1.0.0)
      oauth2 (~> 0.5.0)
      omniauth (~> 1.0)
    omniauth-openid (1.0.1)
      omniauth (~> 1.0)
      rack-openid (~> 1.3.1)
    omniauth-salesforce (1.0.3)
      omniauth (~> 1.0)
      omniauth-oauth2 (~> 1.0)
    open4 (1.3.0)
    people (0.2.1)
    rack (1.1.6)
    rack-openid (1.3.1)
      rack (>= 1.1.0)
      ruby-openid (>= 2.1.8)
    rack-throttle (0.3.0)
      rack (>= 1.0.0)
    rails (2.3.18)
      actionmailer (= 2.3.18)
      actionpack (= 2.3.18)
      activerecord (= 2.3.18)
      activeresource (= 2.3.18)
      activesupport (= 2.3.18)
      rake (>= 0.8.3)
    rake (0.8.7)
    redis (2.2.2)
    redis-namespace (1.1.0)
      redis (< 3.0.0)
    resque (1.22.0)
      multi_json (~> 1.0)
      redis-namespace (~> 1.0)
      sinatra (>= 0.9.2)
      vegas (~> 0.1.2)
    rest-client (1.6.7)
      mime-types (>= 1.16)
    rforce (0.8.1)
      builder (~> 3.0)
      oauth (~> 0.4)
    riddle (1.2.2)
    ruby-debug (0.10.3)
      columnize (>= 0.1)
      ruby-debug-base (~> 0.10.3.0)
    ruby-debug-base (0.10.3)
      linecache (>= 0.3)
    ruby-ole (1.2.11.3)
    ruby-openid (2.1.8)
    ruby-openid-apps-discovery (1.2.0)
      ruby-openid (>= 2.1.7)
    rubyzip (0.9.4)
    sanitize (2.0.3)
      nokogiri (>= 1.4.4, < 1.6)
    sass (3.2.1)
    savon (0.9.7)
      akami (~> 1.0)
      builder (>= 2.1.2)
      gyoku (>= 0.4.0)
      httpi (~> 0.9)
      nokogiri (>= 1.4.0)
      nori (~> 1.0)
      wasabi (~> 2.0)
    savon_model (1.2.0)
      httpi (>= 0.7.8)
      savon (>= 0.8.2, < 0.9.8)
    sax-machine (0.1.0)
      nokogiri (> 0.0.0)
    simple_oauth (0.2.0)
    sinatra (1.2.8)
      rack (~> 1.1)
      tilt (>= 1.2.2, < 2.0)
    soap4r (1.5.8)
      httpclient (>= 2.1.1)
    spork (0.8.5)
    spreadsheet (0.6.8)
      ruby-ole (>= 1.0)
    susy (1.0.5)
      compass (>= 0.12.2)
      sass (>= 3.2.0)
    thinking-sphinx (1.4.3)
      activerecord (>= 1.15.6, < 3.0.0)
      after_commit (>= 1.0.7)
      riddle (>= 1.2.2)
    tilt (1.3.3)
    tzinfo (0.3.26)
    useragent (0.4.16)
    vegas (0.1.11)
      rack (>= 1.0.0)
    wasabi (2.3.0)
      nokogiri (>= 1.4.0)
    xml-simple (1.0.15)
    xss_terminate (0.2)
      html5 (>= 0.10.0)
    zendesk-features (1.0.2)

PLATFORMS
  ruby
  x86-mingw32

DEPENDENCIES
  RedCloth (= 4.2.3)
  SystemTimer (= 1.2.3)
  active_record_shards!
  after_commit (= 1.0.11)
  arel (= 2.0.7)
  authlogic (= 2.1.6)
  aws-s3 (= 0.6.2)
  braintree (= 2.10.0)
  chargebee (~> 1.1.1)
  compass-rails
  deadlock_retry!
  delayed_job (= 1.8.4)
  factory_girl (= 1.2.3)
  forgery (= 0.5.0)
  http_accept_language (= 1.0.1)
  httparty (= 0.10.0)
  i18n (= 0.4.2)
  insensitive_hash (= 0.2.3)
  jammit (= 0.6.5)
  jira4r (= 0.3.0)
  json (~> 1.5.5)
  koala (~> 1.0.0)
  lhm!
  lockfile (= 1.4.3)
  map-fields (= 1.0.0)
  marketo!
  memcache-client (= 1.8.5)
  mocha (~> 0.13.3)
  mongrel
  mysql
  net-dns (= 0.6.1)
  newrelic_rpm (= 3.5.3.25)
  nori (= 1.1.4)
  oily_png
  omniauth (= 1.0)
  omniauth-constantcontact2 (~> 1.0.4)
  omniauth-facebook
  omniauth-google
  omniauth-google-oauth2
  omniauth-mailchimp (~> 1.0.3)
  omniauth-oauth
  omniauth-oauth2 (= 1.0)
  omniauth-openid
  omniauth-salesforce
  people (= 0.2.1)
  rack (~> 1.1.6)
  rack-throttle (~> 0.3.0)
  rails (= 2.3.18)
  rake (= 0.8.7)
  redis (= 2.2.2)
  resque (= 1.22.0)
  rforce
  rinku!
  ruby-debug (= 0.10.3)
  ruby-openid (= 2.1.8)
  ruby-openid-apps-discovery (= 1.2.0)
  rubyzip (= 0.9.4)
  sanitize (= 2.0.3)
  sass (= 3.2.1)
  sax-machine (~> 0.1.0)
  spork (~> 0.8.0)
  spreadsheet (= 0.6.8)
  susy
  thinking-sphinx (= 1.4.3)
  tire!
  twitter (= 2.1.1)!
  tzinfo
  useragent (~> 0.4.16)
  xss_terminate (~> 0.2)
  yui-compressor!
  zendesk-features
