PATH
  remote: vendor/gems/classifier-1.3.1
  specs:
    classifier (1.3.1)

PATH
  remote: vendor/gems/stemmer-1.0.1
  specs:
    stemmer (1.0.1)

PATH
  remote: vendor/gems/tiny_mce-0.1.9
  specs:
    tiny_mce (0.1.9)

PATH
  remote: vendor/gems/twitter-2.1.1
  specs:
    twitter (2.1.1)
      activesupport (~> 2.3.8)
      faraday (~> 0.7)
      multi_json (~> 1.0)
      simple_oauth (~> 0.1)

GEM
  remote: http://rubygems.org/
  remote: http://gems.github.com/
  specs:
    POpen4 (0.1.4)
      Platform (>= 0.4.0)
      open4
    Platform (0.4.0)
    RedCloth (4.2.3)
    actionmailer (2.3.8)
      actionpack (= 2.3.8)
    actionpack (2.3.8)
      activesupport (= 2.3.8)
      rack (~> 1.1.0)
    activerecord (2.3.8)
      activesupport (= 2.3.8)
    activeresource (2.3.8)
      activesupport (= 2.3.8)
    activesupport (2.3.8)
    addressable (2.2.7)
    after_commit (1.0.8)
      activerecord (< 3.0.0)
    arel (2.0.7)
    authlogic (2.1.6)
      activesupport
    aws-s3 (0.6.2)
      builder
      mime-types
      xml-simple
    braintree (2.10.0)
      builder
    builder (3.0.0)
    cgi_multipart_eof_fix (2.5.0)
    chunky_png (1.2.0)
    closure-compiler (1.1.1)
    columnize (0.3.2)
    compass (0.11.5)
      chunky_png (~> 1.2)
      fssm (>= 0.2.7)
      sass (~> 3.1)
    crack (0.1.8)
    daemons (1.0.10)
    delayed_job (1.8.4)
    factory_girl (1.2.3)
    faraday (0.7.6)
      addressable (~> 2.2)
      multipart-post (~> 1.1)
      rack (~> 1.1)
    fastercsv (1.5.4)
    fastthread (1.0.1)
    fssm (0.2.7)
    gem_plugin (0.2.3)
    hashie (1.2.0)
    http_accept_language (1.0.1)
    httparty (0.6.1)
      crack (= 0.1.8)
    httpclient (2.2.4)
    i18n (0.4.2)
    jammit (0.6.0)
      closure-compiler (>= 0.1.0)
      yui-compressor (>= 0.9.1)
    jira4r (0.3.0)
      soap4r
    json (1.5.3)
    koala (1.0.0)
      json (~> 1.0)
      multipart-post (~> 1.0)
    linecache (0.43)
    lockfile (1.4.3)
    map-fields (1.0.0)
      fastercsv (>= 1.2.3)
    mime-types (1.16)
    mongrel (1.1.5)
      cgi_multipart_eof_fix (>= 2.4)
      daemons (>= 1.0.3)
      fastthread (>= 1.0.1)
      gem_plugin (>= 0.2.3)
    mongrel (1.1.5-x86-mingw32)
      cgi_multipart_eof_fix (>= 2.4)
      gem_plugin (>= 0.2.3)
    multi_json (1.1.0)
    multipart-post (1.1.2)
    mysql (2.8.1)
    mysql (2.8.1-x86-mingw32)
    net-dns (0.6.1)
    newrelic_rpm (2.14.1)
    nokogiri (1.4.4)
    nokogiri (1.4.4-x86-mingw32)
    oauth (0.4.5)
    oauth2 (0.5.2)
      faraday (~> 0.7)
      multi_json (~> 1.0)
    omniauth (1.0.0)
      hashie (~> 1.2)
      rack
    omniauth-facebook (1.2.0)
      omniauth-oauth2 (~> 1.0.0)
    omniauth-google (1.0.1)
      multi_json
      omniauth (~> 1.0.0)
      omniauth-oauth
    omniauth-oauth (1.0.1)
      oauth
      omniauth (~> 1.0)
    omniauth-oauth2 (1.0.0)
      oauth2 (~> 0.5.0)
      omniauth (~> 1.0)
    omniauth-openid (1.0.1)
      omniauth (~> 1.0)
      rack-openid (~> 1.3.1)
    omniauth-salesforce (1.0.3)
      omniauth (~> 1.0)
      omniauth-oauth2 (~> 1.0)
    omniauth-twitter (0.0.9)
      omniauth-oauth (~> 1.0)
    open4 (1.0.1)
    rack (1.1.2)
    rack-openid (1.3.1)
      rack (>= 1.1.0)
      ruby-openid (>= 2.1.8)
    rails (2.3.8)
      actionmailer (= 2.3.8)
      actionpack (= 2.3.8)
      activerecord (= 2.3.8)
      activeresource (= 2.3.8)
      activesupport (= 2.3.8)
      rake (>= 0.8.3)
    rake (0.8.7)
    riddle (1.2.2)
    rspec (1.3.1)
    rspec-rails (1.3.3)
      rack (>= 1.0.0)
      rspec (= 1.3.1)
    ruby-debug (0.10.3)
      columnize (>= 0.1)
      ruby-debug-base (~> 0.10.3.0)
    ruby-debug-base (0.10.3)
      linecache (>= 0.3)
    ruby-ole (1.2.11.3)
    ruby-openid (2.1.8)
    ruby-openid-apps-discovery (1.2.0)
      ruby-openid (>= 2.1.7)
    rubyzip (0.9.4)
    rufus-scheduler (2.0.9)
      tzinfo (>= 0.3.23)
    sanitize (2.0.3)
      nokogiri (>= 1.4.4, < 1.6)
    sass (3.1.1)
    sax-machine (0.1.0)
      nokogiri (> 0.0.0)
    searchlogic (2.4.27)
      activerecord (>= 2.0.0)
    simple_oauth (0.1.8)
    soap4r (1.5.8)
      httpclient (>= 2.1.1)
    spreadsheet (0.6.8)
      ruby-ole (>= 1.0)
    thinking-sphinx (1.4.3)
      activerecord (>= 1.15.6, < 3.0.0)
      after_commit (>= 1.0.7)
      riddle (>= 1.2.2)
    thoughtbot-shoulda (2.10.2)
    ts-delayed-delta (1.1.0)
      delayed_job (>= 1.8.4)
      thinking-sphinx (>= 1.3.6)
    tzinfo (0.3.26)
    xml-simple (1.0.15)
    yui-compressor (0.9.6)
      POpen4 (>= 0.1.4)
    zendesk-features (1.0.2)

PLATFORMS
  ruby
  x86-mingw32

DEPENDENCIES
  RedCloth (= 4.2.3)
  arel (= 2.0.7)
  authlogic (= 2.1.6)
  aws-s3 (= 0.6.2)
  braintree (= 2.10.0)
  classifier (= 1.3.1)!
  compass
  delayed_job (= 1.8.4)
  factory_girl (= 1.2.3)
  http_accept_language (= 1.0.1)
  httparty (= 0.6.1)
  i18n (= 0.4.2)
  jammit
  jira4r (= 0.3.0)
  koala (~> 1.0.0)
  lockfile (= 1.4.3)
  map-fields (= 1.0.0)
  mongrel
  mysql
  net-dns (= 0.6.1)
  newrelic_rpm
  omniauth (= 1.0)
  omniauth-facebook
  omniauth-google
  omniauth-oauth
  omniauth-oauth2 (= 1.0)
  omniauth-openid
  omniauth-salesforce
  omniauth-twitter
  rails (= 2.3.8)
  rake (= 0.8.7)
  rspec (= 1.3.1)
  rspec-rails (= 1.3.3)
  ruby-debug (= 0.10.3)
  ruby-openid (= 2.1.8)
  ruby-openid-apps-discovery (= 1.2.0)
  rubyzip (= 0.9.4)
  rufus-scheduler
  sanitize (= 2.0.3)
  sass (= 3.1.1)
  sax-machine (~> 0.1.0)
  searchlogic (= 2.4.27)
  spreadsheet (= 0.6.8)
  stemmer (= 1.0.1)!
  thinking-sphinx (= 1.4.3)
  thoughtbot-shoulda (= 2.10.2)
  tiny_mce (= 0.1.9)!
  ts-delayed-delta (= 1.1.0)
  twitter (= 2.1.1)!
  tzinfo
  zendesk-features
